REDIRECTS: ON
FRAMEWORK: >= NET40
NUGET
  remote: https://www.nuget.org/api/v2
    FAKE (4.36)
    FsCheck (2.6)
      FSharp.Core (>= 3.1.2.5)
    FSharp.Charting (0.90.14)
    FSharp.Compiler.Service (2.0.0.6)
    FSharp.Core (4.0.0.1)
    FSharp.Formatting (2.14.4)
      FSharp.Compiler.Service (2.0.0.6)
      FSharpVSPowerTools.Core (>= 2.3 < 2.4)
    FSharpVSPowerTools.Core (2.3)
      FSharp.Compiler.Service (>= 2.0.0.3)
    FsUnit (1.4.1)
      FSharp.Core (>= 3.1.2.5)
      NUnit (2.6.4)
    Microsoft.Bcl (1.1.10)
      Microsoft.Bcl.Build (>= 1.0.14)
    Microsoft.Bcl.Build (1.0.21) - import_targets: false
    Microsoft.Net.Http (2.2.29)
      Microsoft.Bcl (>= 1.1.10)
      Microsoft.Bcl.Build (>= 1.0.14)
    Newtonsoft.Json (9.0.1)
    NUnit (2.6.4)
    NUnit.Runners (2.6.4)
    Octokit (0.21.1)
      Microsoft.Net.Http  - framework: net40, net40-full
    PerfUtil (0.1.8)
    PerfUtil.NUnit (0.1.8)
      NUnit (>= 2.6.3)
      PerfUtil (>= 0.1.8)
    protobuf-net (2.1)
    TaskParallelLibrary (1.0.2856) - framework: >= net35
    Wire (0.7.1)
GITHUB
  remote: fsharp/FAKE
    modules/Octokit/Octokit.fsx (8fd20ae42c996060bc8bedb821edfb50517cdd8b)
      Octokit (>= 0.20)
  remote: eiriktsarpalis/TypeShape
    src/TypeShape/ISerializableExtensions.fs (5b533d1ab07d5d48c33bfc27323b8de2b9d481c9)
    src/TypeShape/TypeShape.fs (5b533d1ab07d5d48c33bfc27323b8de2b9d481c9)