NUGET
  remote: https://www.nuget.org/api/v2
  specs:
    FAKE (3.35.5)
    FsCheck (1.0.0)
    FSharp.Charting (0.90.10)
    FSharp.Compiler.Service (0.0.90)
    FSharp.Core (3.1.2.1)
    FSharp.Formatting (2.9.10)
      FSharp.Compiler.Service (>= 0.0.87)
      FSharpVSPowerTools.Core (1.8.0)
    FSharpVSPowerTools.Core (1.8.0)
      FSharp.Compiler.Service (>= 0.0.87)
    FsUnit (1.3.0.1)
      NUnit (>= 2.6.3)
    Newtonsoft.Json (7.0.1)
    NUnit (2.6.3)
    NUnit.Runners (2.6.4)
    PerfUtil (0.1.8)
    PerfUtil.NUnit (0.1.8)
      NUnit (>= 2.6.3)
      PerfUtil (>= 0.1.8)
    protobuf-net (2.0.0.668)
    ServiceStack.Text (4.0.40)
