NUGET
  remote: https://www.nuget.org/api/v2
  specs:
    FAKE (4.21.4)
    FsCheck (1.0.0)
    FSharp.Charting (0.90.13)
    FSharp.Compiler.Service (2.0.0.6)
    FSharp.Core (4.0.0.1)
    FSharp.Formatting (2.14.0)
      FSharp.Compiler.Service (>= 2.0.0.3 < 2.1.0)
      FSharpVSPowerTools.Core (>= 2.3.0 < 2.4.0)
    FSharpVSPowerTools.Core (2.3.0)
      FSharp.Compiler.Service (>= 2.0.0.3)
    FsUnit (1.3.0.1)
      NUnit (>= 2.6.3)
    Microsoft.Bcl (1.1.10) - framework: net10, net11, net20, net30, net35, net40, net40
      Microsoft.Bcl.Build (>= 1.0.14)
    Microsoft.Bcl.Build (1.0.21) - import_targets: false, framework: net10, net11, net20, net30, net35, net40, net40
    Microsoft.Net.Http (2.2.29) - framework: net10, net11, net20, net30, net35, net40, net40
      Microsoft.Bcl (>= 1.1.10)
      Microsoft.Bcl.Build (>= 1.0.14)
    Newtonsoft.Json (8.0.2)
    NUnit (2.6.3)
    NUnit.Runners (2.6.3)
    Octokit (0.18.0)
      Microsoft.Net.Http  - framework: net10, net11, net20, net30, net35, net40, net40
    PerfUtil (0.1.8)
    PerfUtil.NUnit (0.1.8)
      NUnit (>= 2.6.3)
      PerfUtil (>= 0.1.8)
    protobuf-net (2.0.0.668)
    TaskParallelLibrary (1.0.2856) - framework: net35
    Wire (0.0.6)
GITHUB
  remote: fsharp/FAKE
  specs:
    modules/Octokit/Octokit.fsx (58dce73f9a069ae7fbfbae993f5e6f06ed9218d5)
      Octokit