REDIRECTS: FORCE
RESTRICTION: || (== net45) (== netstandard2.0)
NUGET
  remote: https://www.nuget.org/api/v2
    FSharp.Core (4.2.1)
      System.Collections (>= 4.0.11) - restriction: || (&& (== net45) (>= netstandard1.6)) (== netstandard2.0)
      System.Console (>= 4.0) - restriction: || (&& (== net45) (>= netstandard1.6)) (== netstandard2.0)
      System.Diagnostics.Debug (>= 4.0.11) - restriction: || (&& (== net45) (>= netstandard1.6)) (== netstandard2.0)
      System.Diagnostics.Tools (>= 4.0.1) - restriction: || (&& (== net45) (>= netstandard1.6)) (== netstandard2.0)
      System.Globalization (>= 4.0.11) - restriction: || (&& (== net45) (>= netstandard1.6)) (== netstandard2.0)
      System.IO (>= 4.1) - restriction: || (&& (== net45) (>= netstandard1.6)) (== netstandard2.0)
      System.Linq (>= 4.1) - restriction: || (&& (== net45) (>= netstandard1.6)) (== netstandard2.0)
      System.Linq.Expressions (>= 4.1) - restriction: || (&& (== net45) (>= netstandard1.6)) (== netstandard2.0)
      System.Linq.Queryable (>= 4.0.1) - restriction: || (&& (== net45) (>= netstandard1.6)) (== netstandard2.0)
      System.Net.Requests (>= 4.0.11) - restriction: || (&& (== net45) (>= netstandard1.6)) (== netstandard2.0)
      System.Reflection (>= 4.1) - restriction: || (&& (== net45) (>= netstandard1.6)) (== netstandard2.0)
      System.Reflection.Extensions (>= 4.0.1) - restriction: || (&& (== net45) (>= netstandard1.6)) (== netstandard2.0)
      System.Resources.ResourceManager (>= 4.0.1) - restriction: || (&& (== net45) (>= netstandard1.6)) (== netstandard2.0)
      System.Runtime (>= 4.1) - restriction: || (&& (== net45) (>= netstandard1.6)) (== netstandard2.0)
      System.Runtime.Extensions (>= 4.1) - restriction: || (&& (== net45) (>= netstandard1.6)) (== netstandard2.0)
      System.Runtime.Numerics (>= 4.0.1) - restriction: || (&& (== net45) (>= netstandard1.6)) (== netstandard2.0)
      System.Text.RegularExpressions (>= 4.1) - restriction: || (&& (== net45) (>= netstandard1.6)) (== netstandard2.0)
      System.Threading (>= 4.0.11) - restriction: || (&& (== net45) (>= netstandard1.6)) (== netstandard2.0)
      System.Threading.Tasks (>= 4.0.11) - restriction: || (&& (== net45) (>= netstandard1.6)) (== netstandard2.0)
      System.Threading.Tasks.Parallel (>= 4.0.1) - restriction: || (&& (== net45) (>= netstandard1.6)) (== netstandard2.0)
      System.Threading.Thread (>= 4.0) - restriction: || (&& (== net45) (>= netstandard1.6)) (== netstandard2.0)
      System.Threading.ThreadPool (>= 4.0.10) - restriction: || (&& (== net45) (>= netstandard1.6)) (== netstandard2.0)
      System.Threading.Timer (>= 4.0.1) - restriction: || (&& (== net45) (>= netstandard1.6)) (== netstandard2.0)
    Microsoft.CSharp (4.4.1) - restriction: || (&& (== net45) (< net20)) (== netstandard2.0)
    Microsoft.NETCore.Platforms (2.0.1) - restriction: || (&& (== net45) (< net20)) (&& (== net45) (>= netcoreapp1.1)) (&& (== net45) (>= netstandard1.6)) (== netstandard2.0)
    Microsoft.NETCore.Targets (2.0) - restriction: || (&& (== net45) (< net20)) (&& (== net45) (>= netcoreapp1.1)) (&& (== net45) (>= netstandard1.6)) (== netstandard2.0)
    Newtonsoft.Json (10.0.1)
      Microsoft.CSharp (>= 4.3) - restriction: || (&& (== net45) (< net20)) (== netstandard2.0)
      System.Collections (>= 4.3) - restriction: || (&& (== net45) (< net20)) (== netstandard2.0)
      System.ComponentModel.TypeConverter (>= 4.3) - restriction: || (&& (== net45) (< net20)) (== netstandard2.0)
      System.Diagnostics.Debug (>= 4.3) - restriction: || (&& (== net45) (< net20)) (== netstandard2.0)
      System.Dynamic.Runtime (>= 4.3) - restriction: || (&& (== net45) (< net20)) (== netstandard2.0)
      System.Globalization (>= 4.3) - restriction: || (&& (== net45) (< net20)) (== netstandard2.0)
      System.IO (>= 4.3) - restriction: || (&& (== net45) (< net20)) (== netstandard2.0)
      System.Linq (>= 4.3) - restriction: || (&& (== net45) (< net20)) (== netstandard2.0)
      System.Linq.Expressions (>= 4.3) - restriction: || (&& (== net45) (< net20)) (== netstandard2.0)
      System.ObjectModel (>= 4.3) - restriction: || (&& (== net45) (< net20)) (== netstandard2.0)
      System.Reflection (>= 4.3) - restriction: || (&& (== net45) (< net20)) (== netstandard2.0)
      System.Reflection.Extensions (>= 4.3) - restriction: || (&& (== net45) (< net20)) (== netstandard2.0)
      System.Resources.ResourceManager (>= 4.3) - restriction: || (&& (== net45) (< net20)) (== netstandard2.0)
      System.Runtime (>= 4.3) - restriction: || (&& (== net45) (< net20)) (== netstandard2.0)
      System.Runtime.Extensions (>= 4.3) - restriction: || (&& (== net45) (< net20)) (== netstandard2.0)
      System.Runtime.Numerics (>= 4.3) - restriction: || (&& (== net45) (< net20) (>= netstandard1.3)) (== netstandard2.0)
      System.Runtime.Serialization.Formatters (>= 4.3) - restriction: || (&& (== net45) (< net20) (>= netstandard1.3)) (== netstandard2.0)
      System.Runtime.Serialization.Primitives (>= 4.3) - restriction: || (&& (== net45) (< net20)) (== netstandard2.0)
      System.Text.Encoding (>= 4.3) - restriction: || (&& (== net45) (< net20)) (== netstandard2.0)
      System.Text.Encoding.Extensions (>= 4.3) - restriction: || (&& (== net45) (< net20)) (== netstandard2.0)
      System.Text.RegularExpressions (>= 4.3) - restriction: || (&& (== net45) (< net20)) (== netstandard2.0)
      System.Threading (>= 4.3) - restriction: || (&& (== net45) (< net20)) (== netstandard2.0)
      System.Threading.Tasks (>= 4.3) - restriction: || (&& (== net45) (< net20)) (== netstandard2.0)
      System.Xml.ReaderWriter (>= 4.3) - restriction: || (&& (== net45) (< net20)) (== netstandard2.0)
      System.Xml.XDocument (>= 4.3) - restriction: || (&& (== net45) (< net20)) (== netstandard2.0)
      System.Xml.XmlDocument (>= 4.3) - restriction: || (&& (== net45) (< net20) (>= netstandard1.3)) (== netstandard2.0)
    runtime.debian.8-x64.runtime.native.System.Security.Cryptography.OpenSsl (4.3.2) - restriction: || (&& (== net45) (>= netstandard1.6) (< portable-net45+win8+wp8+wpa81)) (== netstandard2.0)
    runtime.fedora.23-x64.runtime.native.System.Security.Cryptography.OpenSsl (4.3.2) - restriction: || (&& (== net45) (>= netstandard1.6) (< portable-net45+win8+wp8+wpa81)) (== netstandard2.0)
    runtime.fedora.24-x64.runtime.native.System.Security.Cryptography.OpenSsl (4.3.2) - restriction: || (&& (== net45) (>= netstandard1.6) (< portable-net45+win8+wp8+wpa81)) (== netstandard2.0)
    runtime.native.System (4.3) - restriction: || (&& (== net45) (>= netstandard1.6) (< portable-net45+win8+wp8+wpa81)) (== netstandard2.0)
      Microsoft.NETCore.Platforms (>= 1.1)
      Microsoft.NETCore.Targets (>= 1.1)
    runtime.native.System.Net.Http (4.3) - restriction: || (&& (== net45) (>= netstandard1.6) (< portable-net45+win8+wp8+wpa81)) (== netstandard2.0)
      Microsoft.NETCore.Platforms (>= 1.1)
      Microsoft.NETCore.Targets (>= 1.1)
    runtime.native.System.Security.Cryptography.Apple (4.3.1) - restriction: || (&& (== net45) (>= netstandard1.6) (< portable-net45+win8+wp8+wpa81)) (== netstandard2.0)
      runtime.osx.10.10-x64.runtime.native.System.Security.Cryptography.Apple (>= 4.3.1)
    runtime.native.System.Security.Cryptography.OpenSsl (4.3.2) - restriction: || (&& (== net45) (>= netstandard1.6) (< portable-net45+win8+wp8+wpa81)) (== netstandard2.0)
      runtime.debian.8-x64.runtime.native.System.Security.Cryptography.OpenSsl (>= 4.3.2)
      runtime.fedora.23-x64.runtime.native.System.Security.Cryptography.OpenSsl (>= 4.3.2)
      runtime.fedora.24-x64.runtime.native.System.Security.Cryptography.OpenSsl (>= 4.3.2)
      runtime.opensuse.13.2-x64.runtime.native.System.Security.Cryptography.OpenSsl (>= 4.3.2)
      runtime.opensuse.42.1-x64.runtime.native.System.Security.Cryptography.OpenSsl (>= 4.3.2)
      runtime.osx.10.10-x64.runtime.native.System.Security.Cryptography.OpenSsl (>= 4.3.2)
      runtime.rhel.7-x64.runtime.native.System.Security.Cryptography.OpenSsl (>= 4.3.2)
      runtime.ubuntu.14.04-x64.runtime.native.System.Security.Cryptography.OpenSsl (>= 4.3.2)
      runtime.ubuntu.16.04-x64.runtime.native.System.Security.Cryptography.OpenSsl (>= 4.3.2)
      runtime.ubuntu.16.10-x64.runtime.native.System.Security.Cryptography.OpenSsl (>= 4.3.2)
    runtime.opensuse.13.2-x64.runtime.native.System.Security.Cryptography.OpenSsl (4.3.2) - restriction: || (&& (== net45) (>= netstandard1.6) (< portable-net45+win8+wp8+wpa81)) (== netstandard2.0)
    runtime.opensuse.42.1-x64.runtime.native.System.Security.Cryptography.OpenSsl (4.3.2) - restriction: || (&& (== net45) (>= netstandard1.6) (< portable-net45+win8+wp8+wpa81)) (== netstandard2.0)
    runtime.osx.10.10-x64.runtime.native.System.Security.Cryptography.Apple (4.3.1) - restriction: || (&& (== net45) (>= netstandard1.6) (< portable-net45+win8+wp8+wpa81)) (== netstandard2.0)
    runtime.osx.10.10-x64.runtime.native.System.Security.Cryptography.OpenSsl (4.3.2) - restriction: || (&& (== net45) (>= netstandard1.6) (< portable-net45+win8+wp8+wpa81)) (== netstandard2.0)
    runtime.rhel.7-x64.runtime.native.System.Security.Cryptography.OpenSsl (4.3.2) - restriction: || (&& (== net45) (>= netstandard1.6) (< portable-net45+win8+wp8+wpa81)) (== netstandard2.0)
    runtime.ubuntu.14.04-x64.runtime.native.System.Security.Cryptography.OpenSsl (4.3.2) - restriction: || (&& (== net45) (>= netstandard1.6) (< portable-net45+win8+wp8+wpa81)) (== netstandard2.0)
    runtime.ubuntu.16.04-x64.runtime.native.System.Security.Cryptography.OpenSsl (4.3.2) - restriction: || (&& (== net45) (>= netstandard1.6) (< portable-net45+win8+wp8+wpa81)) (== netstandard2.0)
    runtime.ubuntu.16.10-x64.runtime.native.System.Security.Cryptography.OpenSsl (4.3.2) - restriction: || (&& (== net45) (>= netstandard1.6) (< portable-net45+win8+wp8+wpa81)) (== netstandard2.0)
    SourceLink.Create.CommandLine (2.7.4) - copy_local: true
    System.Collections (4.3) - restriction: || (&& (== net45) (< net20)) (&& (== net45) (>= netstandard1.6)) (== netstandard2.0)
      Microsoft.NETCore.Platforms (>= 1.1) - restriction: || (&& (== net45) (< portable-net45+win8+wp8+wpa81)) (== netstandard2.0)
      Microsoft.NETCore.Targets (>= 1.1) - restriction: || (&& (== net45) (< portable-net45+win8+wp8+wpa81)) (== netstandard2.0)
      System.Runtime (>= 4.3) - restriction: || (&& (== net45) (< portable-net45+win8+wp8+wpa81)) (== netstandard2.0)
    System.Collections.Concurrent (4.3) - restriction: || (&& (== net45) (>= netstandard1.6) (< portable-net45+win8+wpa81)) (== netstandard2.0)
      System.Collections (>= 4.3) - restriction: || (&& (== net45) (< portable-net45+win8+wpa81)) (== netstandard2.0)
      System.Diagnostics.Debug (>= 4.3) - restriction: || (&& (== net45) (< portable-net45+win8+wpa81)) (== netstandard2.0)
      System.Diagnostics.Tracing (>= 4.3) - restriction: || (&& (== net45) (< portable-net45+win8+wpa81)) (== netstandard2.0)
      System.Globalization (>= 4.3) - restriction: || (&& (== net45) (< portable-net45+win8+wpa81)) (== netstandard2.0)
      System.Reflection (>= 4.3) - restriction: == netstandard2.0
      System.Resources.ResourceManager (>= 4.3) - restriction: || (&& (== net45) (< portable-net45+win8+wpa81)) (== netstandard2.0)
      System.Runtime (>= 4.3) - restriction: || (&& (== net45) (< portable-net45+win8+wpa81)) (== netstandard2.0)
      System.Runtime.Extensions (>= 4.3) - restriction: || (&& (== net45) (< portable-net45+win8+wpa81)) (== netstandard2.0)
      System.Threading (>= 4.3) - restriction: || (&& (== net45) (< portable-net45+win8+wpa81)) (== netstandard2.0)
      System.Threading.Tasks (>= 4.3) - restriction: || (&& (== net45) (< portable-net45+win8+wpa81)) (== netstandard2.0)
    System.Collections.NonGeneric (4.3) - restriction: || (&& (== net45) (< net20) (>= net462)) (&& (== net45) (< net20) (>= netstandard1.5)) (== netstandard2.0)
      System.Diagnostics.Debug (>= 4.3) - restriction: || (&& (== net45) (>= netstandard1.3)) (== netstandard2.0)
      System.Globalization (>= 4.3) - restriction: || (&& (== net45) (>= netstandard1.3)) (== netstandard2.0)
      System.Resources.ResourceManager (>= 4.3) - restriction: || (&& (== net45) (>= netstandard1.3)) (== netstandard2.0)
      System.Runtime (>= 4.3) - restriction: || (&& (== net45) (>= netstandard1.3)) (== netstandard2.0)
      System.Runtime.Extensions (>= 4.3) - restriction: || (&& (== net45) (>= netstandard1.3)) (== netstandard2.0)
      System.Threading (>= 4.3) - restriction: || (&& (== net45) (>= netstandard1.3)) (== netstandard2.0)
    System.Collections.Specialized (4.3) - restriction: || (&& (== net45) (< net20) (>= netstandard1.5)) (== netstandard2.0)
      System.Collections.NonGeneric (>= 4.3) - restriction: || (&& (== net45) (>= netstandard1.3)) (== netstandard2.0)
      System.Globalization (>= 4.3) - restriction: || (&& (== net45) (>= netstandard1.3)) (== netstandard2.0)
      System.Globalization.Extensions (>= 4.3) - restriction: || (&& (== net45) (>= netstandard1.3)) (== netstandard2.0)
      System.Resources.ResourceManager (>= 4.3) - restriction: || (&& (== net45) (>= netstandard1.3)) (== netstandard2.0)
      System.Runtime (>= 4.3) - restriction: || (&& (== net45) (>= netstandard1.3)) (== netstandard2.0)
      System.Runtime.Extensions (>= 4.3) - restriction: || (&& (== net45) (>= netstandard1.3)) (== netstandard2.0)
      System.Threading (>= 4.3) - restriction: || (&& (== net45) (>= netstandard1.3)) (== netstandard2.0)
    System.ComponentModel (4.3) - restriction: || (&& (== net45) (< net20)) (== netstandard2.0)
      System.Runtime (>= 4.3) - restriction: || (&& (== net45) (< portable-net45+win8+wp8+wpa81)) (== netstandard2.0)
    System.ComponentModel.Primitives (4.3) - restriction: || (&& (== net45) (< net20)) (&& (== net45) (< netstandard1.0) (>= win8)) (&& (== net45) (>= wp8)) (&& (== net45) (>= wpa81)) (== netstandard2.0)
      System.ComponentModel (>= 4.3) - restriction: == netstandard2.0
      System.Resources.ResourceManager (>= 4.3) - restriction: == netstandard2.0
      System.Runtime (>= 4.3) - restriction: == netstandard2.0
    System.ComponentModel.TypeConverter (4.3) - restriction: || (&& (== net45) (< net20)) (== netstandard2.0)
      System.Collections (>= 4.3) - restriction: == netstandard2.0
      System.Collections.NonGeneric (>= 4.3) - restriction: || (&& (== net45) (>= net462)) (== netstandard2.0)
      System.Collections.Specialized (>= 4.3) - restriction: == netstandard2.0
      System.ComponentModel (>= 4.3) - restriction: == netstandard2.0
      System.ComponentModel.Primitives (>= 4.3)
      System.Globalization (>= 4.3) - restriction: == netstandard2.0
      System.Linq (>= 4.3) - restriction: == netstandard2.0
      System.Reflection (>= 4.3) - restriction: == netstandard2.0
      System.Reflection.Extensions (>= 4.3) - restriction: == netstandard2.0
      System.Reflection.Primitives (>= 4.3) - restriction: == netstandard2.0
      System.Reflection.TypeExtensions (>= 4.3) - restriction: == netstandard2.0
      System.Resources.ResourceManager (>= 4.3) - restriction: == netstandard2.0
      System.Runtime (>= 4.3) - restriction: == netstandard2.0
      System.Runtime.Extensions (>= 4.3) - restriction: == netstandard2.0
      System.Threading (>= 4.3) - restriction: == netstandard2.0
    System.Console (4.3) - restriction: || (&& (== net45) (>= netstandard1.6)) (== netstandard2.0)
      Microsoft.NETCore.Platforms (>= 1.1) - restriction: || (&& (== net45) (>= netstandard1.3)) (== netstandard2.0)
      Microsoft.NETCore.Targets (>= 1.1) - restriction: || (&& (== net45) (>= netstandard1.3)) (== netstandard2.0)
      System.IO (>= 4.3) - restriction: || (&& (== net45) (>= netstandard1.3)) (== netstandard2.0)
      System.Runtime (>= 4.3) - restriction: || (&& (== net45) (>= netstandard1.3)) (== netstandard2.0)
      System.Text.Encoding (>= 4.3) - restriction: || (&& (== net45) (>= netstandard1.3)) (== netstandard2.0)
    System.Diagnostics.Debug (4.3) - restriction: || (&& (== net45) (< net20)) (&& (== net45) (>= netstandard1.6)) (== netstandard2.0)
      Microsoft.NETCore.Platforms (>= 1.1) - restriction: || (&& (== net45) (< portable-net45+win8+wp8+wpa81)) (== netstandard2.0)
      Microsoft.NETCore.Targets (>= 1.1) - restriction: || (&& (== net45) (< portable-net45+win8+wp8+wpa81)) (== netstandard2.0)
      System.Runtime (>= 4.3) - restriction: || (&& (== net45) (< portable-net45+win8+wp8+wpa81)) (== netstandard2.0)
    System.Diagnostics.DiagnosticSource (4.4.1) - restriction: || (&& (== net45) (>= netstandard1.6) (< portable-net45+win8+wp8+wpa81)) (== netstandard2.0)
      System.Collections (>= 4.3) - restriction: == netstandard2.0
      System.Diagnostics.Debug (>= 4.3) - restriction: == netstandard2.0
      System.Diagnostics.Tracing (>= 4.3) - restriction: == netstandard2.0
      System.Reflection (>= 4.3) - restriction: == netstandard2.0
      System.Runtime (>= 4.3) - restriction: == netstandard2.0
      System.Runtime.Extensions (>= 4.3) - restriction: == netstandard2.0
      System.Threading (>= 4.3) - restriction: == netstandard2.0
    System.Diagnostics.Tools (4.3) - restriction: || (&& (== net45) (< net20) (>= netstandard1.3)) (&& (== net45) (< net20) (< portable-net45+win8+wp8+wpa81)) (&& (== net45) (>= netstandard1.6)) (== netstandard2.0)
      Microsoft.NETCore.Platforms (>= 1.1) - restriction: || (&& (== net45) (< portable-net45+win8+wp8+wpa81)) (== netstandard2.0)
      Microsoft.NETCore.Targets (>= 1.1) - restriction: || (&& (== net45) (< portable-net45+win8+wp8+wpa81)) (== netstandard2.0)
      System.Runtime (>= 4.3) - restriction: || (&& (== net45) (< portable-net45+win8+wp8+wpa81)) (== netstandard2.0)
    System.Diagnostics.Tracing (4.3) - restriction: || (&& (== net45) (>= netstandard1.6) (< portable-net45+win8+wp8+wpa81)) (&& (== net45) (>= netstandard1.6) (< portable-net45+win8+wpa81)) (== netstandard2.0)
      Microsoft.NETCore.Platforms (>= 1.1) - restriction: || (&& (== net45) (< portable-net45+win8+wpa81)) (== netstandard2.0)
      Microsoft.NETCore.Targets (>= 1.1) - restriction: || (&& (== net45) (< portable-net45+win8+wpa81)) (== netstandard2.0)
      System.Runtime (>= 4.3) - restriction: || (&& (== net45) (< portable-net45+win8+wpa81)) (== netstandard2.0)
    System.Dynamic.Runtime (4.3) - restriction: || (&& (== net45) (< net20)) (== netstandard2.0)
      System.Collections (>= 4.3) - restriction: || (&& (== net45) (< portable-net45+win8+wp8+wpa81)) (== netstandard2.0)
      System.Diagnostics.Debug (>= 4.3) - restriction: || (&& (== net45) (< portable-net45+win8+wp8+wpa81)) (== netstandard2.0)
      System.Linq (>= 4.3) - restriction: || (&& (== net45) (< portable-net45+win8+wp8+wpa81)) (== netstandard2.0)
      System.Linq.Expressions (>= 4.3) - restriction: || (&& (== net45) (< portable-net45+win8+wp8+wpa81)) (== netstandard2.0)
      System.ObjectModel (>= 4.3) - restriction: || (&& (== net45) (< portable-net45+win8+wp8+wpa81)) (== netstandard2.0)
      System.Reflection (>= 4.3) - restriction: || (&& (== net45) (< portable-net45+win8+wp8+wpa81)) (== netstandard2.0)
      System.Reflection.Emit (>= 4.3) - restriction: == netstandard2.0
      System.Reflection.Emit.ILGeneration (>= 4.3) - restriction: == netstandard2.0
      System.Reflection.Primitives (>= 4.3) - restriction: == netstandard2.0
      System.Reflection.TypeExtensions (>= 4.3) - restriction: || (&& (== net45) (< portable-net45+win8+wp8+wpa81)) (== netstandard2.0)
      System.Resources.ResourceManager (>= 4.3) - restriction: || (&& (== net45) (< portable-net45+win8+wp8+wpa81)) (== netstandard2.0)
      System.Runtime (>= 4.3) - restriction: || (&& (== net45) (< portable-net45+win8+wp8+wpa81)) (== netstandard2.0)
      System.Runtime.Extensions (>= 4.3) - restriction: || (&& (== net45) (< portable-net45+win8+wp8+wpa81)) (== netstandard2.0)
      System.Threading (>= 4.3) - restriction: || (&& (== net45) (< portable-net45+win8+wp8+wpa81)) (== netstandard2.0)
    System.Globalization (4.3) - restriction: || (&& (== net45) (< net20)) (&& (== net45) (>= netstandard1.6)) (== netstandard2.0)
      Microsoft.NETCore.Platforms (>= 1.1) - restriction: || (&& (== net45) (< portable-net45+win8+wp8+wpa81)) (== netstandard2.0)
      Microsoft.NETCore.Targets (>= 1.1) - restriction: || (&& (== net45) (< portable-net45+win8+wp8+wpa81)) (== netstandard2.0)
      System.Runtime (>= 4.3) - restriction: || (&& (== net45) (< portable-net45+win8+wp8+wpa81)) (== netstandard2.0)
    System.Globalization.Calendars (4.3) - restriction: || (&& (== net45) (>= netstandard1.6) (< portable-net45+win8+wp8+wpa81)) (== netstandard2.0)
      Microsoft.NETCore.Platforms (>= 1.1) - restriction: || (&& (== net45) (>= netstandard1.3)) (== netstandard2.0)
      Microsoft.NETCore.Targets (>= 1.1) - restriction: || (&& (== net45) (>= netstandard1.3)) (== netstandard2.0)
      System.Globalization (>= 4.3) - restriction: || (&& (== net45) (>= netstandard1.3)) (== netstandard2.0)
      System.Runtime (>= 4.3) - restriction: || (&& (== net45) (>= netstandard1.3)) (== netstandard2.0)
    System.Globalization.Extensions (4.3) - restriction: || (&& (== net45) (< net20) (>= netstandard1.5)) (&& (== net45) (>= netstandard1.6) (< portable-net45+win8+wp8+wpa81)) (== netstandard2.0)
      Microsoft.NETCore.Platforms (>= 1.1) - restriction: || (&& (== net45) (>= netstandard1.3)) (== netstandard2.0)
      System.Globalization (>= 4.3) - restriction: || (&& (== net45) (>= netstandard1.3)) (== netstandard2.0)
      System.Resources.ResourceManager (>= 4.3) - restriction: || (&& (== net45) (>= netstandard1.3)) (== netstandard2.0)
      System.Runtime (>= 4.3) - restriction: || (&& (== net45) (>= netstandard1.3)) (== netstandard2.0)
      System.Runtime.Extensions (>= 4.3) - restriction: || (&& (== net45) (>= netstandard1.3)) (== netstandard2.0)
      System.Runtime.InteropServices (>= 4.3) - restriction: || (&& (== net45) (>= netstandard1.3)) (== netstandard2.0)
    System.IO (4.3) - restriction: || (&& (== net45) (< net20)) (&& (== net45) (>= netstandard1.6)) (== netstandard2.0)
      Microsoft.NETCore.Platforms (>= 1.1) - restriction: || (&& (== net45) (< portable-net45+win8+wp8+wpa81)) (== netstandard2.0)
      Microsoft.NETCore.Targets (>= 1.1) - restriction: || (&& (== net45) (< portable-net45+win8+wp8+wpa81)) (== netstandard2.0)
      System.Runtime (>= 4.3) - restriction: || (&& (== net45) (< portable-net45+win8+wp8+wpa81)) (== netstandard2.0)
      System.Text.Encoding (>= 4.3) - restriction: || (&& (== net45) (< portable-net45+win8+wp8+wpa81)) (== netstandard2.0)
      System.Threading.Tasks (>= 4.3) - restriction: || (&& (== net45) (< portable-net45+win8+wp8+wpa81)) (== netstandard2.0)
    System.IO.FileSystem (4.3) - restriction: || (&& (== net45) (< net20) (>= netstandard1.3)) (&& (== net45) (< net20) (< portable-net45+win8+wp8+wpa81)) (&& (== net45) (>= netstandard1.6) (< portable-net45+win8+wp8+wpa81)) (== netstandard2.0)
      Microsoft.NETCore.Platforms (>= 1.1) - restriction: || (&& (== net45) (>= netstandard1.3)) (== netstandard2.0)
      Microsoft.NETCore.Targets (>= 1.1) - restriction: || (&& (== net45) (>= netstandard1.3)) (== netstandard2.0)
      System.IO (>= 4.3) - restriction: || (&& (== net45) (>= netstandard1.3)) (== netstandard2.0)
      System.IO.FileSystem.Primitives (>= 4.3) - restriction: || (&& (== net45) (>= net46)) (&& (== net45) (>= netstandard1.3)) (== netstandard2.0)
      System.Runtime (>= 4.3) - restriction: || (&& (== net45) (>= netstandard1.3)) (== netstandard2.0)
      System.Runtime.Handles (>= 4.3) - restriction: || (&& (== net45) (>= netstandard1.3)) (== netstandard2.0)
      System.Text.Encoding (>= 4.3) - restriction: || (&& (== net45) (>= netstandard1.3)) (== netstandard2.0)
      System.Threading.Tasks (>= 4.3) - restriction: || (&& (== net45) (>= netstandard1.3)) (== netstandard2.0)
    System.IO.FileSystem.Primitives (4.3) - restriction: || (&& (== net45) (< net20) (>= net46)) (&& (== net45) (< net20) (>= netstandard1.3)) (&& (== net45) (< net20) (< portable-net45+win8+wp8+wpa81)) (== netstandard2.0)
      System.Runtime (>= 4.3) - restriction: || (&& (== net45) (>= netstandard1.3)) (== netstandard2.0)
    System.Linq (4.3) - restriction: || (&& (== net45) (< net20)) (&& (== net45) (>= netstandard1.6)) (== netstandard2.0)
      System.Collections (>= 4.3) - restriction: || (&& (== net45) (< portable-net45+win8+wp8+wpa81)) (== netstandard2.0)
      System.Diagnostics.Debug (>= 4.3) - restriction: || (&& (== net45) (< portable-net45+win8+wp8+wpa81)) (== netstandard2.0)
      System.Resources.ResourceManager (>= 4.3) - restriction: || (&& (== net45) (< portable-net45+win8+wp8+wpa81)) (== netstandard2.0)
      System.Runtime (>= 4.3) - restriction: || (&& (== net45) (< portable-net45+win8+wp8+wpa81)) (== netstandard2.0)
      System.Runtime.Extensions (>= 4.3) - restriction: || (&& (== net45) (< portable-net45+win8+wp8+wpa81)) (== netstandard2.0)
    System.Linq.Expressions (4.3) - restriction: || (&& (== net45) (< net20)) (&& (== net45) (>= netstandard1.6)) (== netstandard2.0)
      System.Collections (>= 4.3) - restriction: || (&& (== net45) (< portable-net45+win8+wp8+wpa81)) (== netstandard2.0)
      System.Diagnostics.Debug (>= 4.3) - restriction: || (&& (== net45) (< portable-net45+win8+wp8+wpa81)) (== netstandard2.0)
      System.Globalization (>= 4.3) - restriction: || (&& (== net45) (< portable-net45+win8+wp8+wpa81)) (== netstandard2.0)
      System.IO (>= 4.3) - restriction: || (&& (== net45) (< portable-net45+win8+wp8+wpa81)) (== netstandard2.0)
      System.Linq (>= 4.3) - restriction: || (&& (== net45) (< portable-net45+win8+wp8+wpa81)) (== netstandard2.0)
      System.ObjectModel (>= 4.3) - restriction: == netstandard2.0
      System.Reflection (>= 4.3) - restriction: || (&& (== net45) (< portable-net45+win8+wp8+wpa81)) (== netstandard2.0)
      System.Reflection.Emit (>= 4.3) - restriction: == netstandard2.0
      System.Reflection.Emit.ILGeneration (>= 4.3) - restriction: || (&& (== net45) (< portable-net45+win8+wp8+wpa81)) (== netstandard2.0)
      System.Reflection.Emit.Lightweight (>= 4.3) - restriction: || (&& (== net45) (< portable-net45+win8+wp8+wpa81)) (== netstandard2.0)
      System.Reflection.Extensions (>= 4.3) - restriction: || (&& (== net45) (< portable-net45+win8+wp8+wpa81)) (== netstandard2.0)
      System.Reflection.Primitives (>= 4.3) - restriction: || (&& (== net45) (< portable-net45+win8+wp8+wpa81)) (== netstandard2.0)
      System.Reflection.TypeExtensions (>= 4.3) - restriction: || (&& (== net45) (< portable-net45+win8+wp8+wpa81)) (== netstandard2.0)
      System.Resources.ResourceManager (>= 4.3) - restriction: || (&& (== net45) (< portable-net45+win8+wp8+wpa81)) (== netstandard2.0)
      System.Runtime (>= 4.3) - restriction: || (&& (== net45) (< portable-net45+win8+wp8+wpa81)) (== netstandard2.0)
      System.Runtime.Extensions (>= 4.3) - restriction: || (&& (== net45) (< portable-net45+win8+wp8+wpa81)) (== netstandard2.0)
      System.Threading (>= 4.3) - restriction: || (&& (== net45) (< portable-net45+win8+wp8+wpa81)) (== netstandard2.0)
    System.Linq.Queryable (4.3) - restriction: || (&& (== net45) (>= netstandard1.6)) (== netstandard2.0)
      System.Collections (>= 4.3) - restriction: || (&& (== net45) (< portable-net45+win8+wp8+wpa81)) (== netstandard2.0)
      System.Diagnostics.Debug (>= 4.3) - restriction: || (&& (== net45) (< portable-net45+win8+wp8+wpa81)) (== netstandard2.0)
      System.Linq (>= 4.3) - restriction: || (&& (== net45) (< portable-net45+win8+wp8+wpa81)) (== netstandard2.0)
      System.Linq.Expressions (>= 4.3) - restriction: || (&& (== net45) (< portable-net45+win8+wp8+wpa81)) (== netstandard2.0)
      System.Reflection (>= 4.3) - restriction: || (&& (== net45) (< portable-net45+win8+wp8+wpa81)) (== netstandard2.0)
      System.Reflection.Extensions (>= 4.3) - restriction: || (&& (== net45) (< portable-net45+win8+wp8+wpa81)) (== netstandard2.0)
      System.Resources.ResourceManager (>= 4.3) - restriction: || (&& (== net45) (< portable-net45+win8+wp8+wpa81)) (== netstandard2.0)
      System.Runtime (>= 4.3) - restriction: || (&& (== net45) (< portable-net45+win8+wp8+wpa81)) (== netstandard2.0)
    System.Net.Http (4.3.3) - restriction: || (&& (== net45) (>= netstandard1.6) (< portable-net45+win8+wp8+wpa81)) (== netstandard2.0)
      Microsoft.NETCore.Platforms (>= 1.1) - restriction: || (&& (== net45) (< portable-net45+win8+wpa81)) (== netstandard2.0)
      runtime.native.System (>= 4.3) - restriction: == netstandard2.0
      runtime.native.System.Net.Http (>= 4.3) - restriction: == netstandard2.0
      runtime.native.System.Security.Cryptography.OpenSsl (>= 4.3.2) - restriction: == netstandard2.0
      System.Collections (>= 4.3) - restriction: || (&& (== net45) (< portable-net45+win8+wpa81)) (== netstandard2.0)
      System.Diagnostics.Debug (>= 4.3) - restriction: || (&& (== net45) (< portable-net45+win8+wpa81)) (== netstandard2.0)
      System.Diagnostics.DiagnosticSource (>= 4.3) - restriction: || (&& (== net45) (< portable-net45+win8+wpa81)) (== netstandard2.0)
      System.Diagnostics.Tracing (>= 4.3) - restriction: || (&& (== net45) (< portable-net45+win8+wpa81)) (== netstandard2.0)
      System.Globalization (>= 4.3) - restriction: || (&& (== net45) (< portable-net45+win8+wpa81)) (== netstandard2.0)
      System.Globalization.Extensions (>= 4.3) - restriction: == netstandard2.0
      System.IO (>= 4.3) - restriction: || (&& (== net45) (< portable-net45+win8+wpa81)) (== netstandard2.0)
      System.IO.FileSystem (>= 4.3) - restriction: == netstandard2.0
      System.Net.Primitives (>= 4.3) - restriction: || (&& (== net45) (< portable-net45+win8+wpa81)) (== netstandard2.0)
      System.Resources.ResourceManager (>= 4.3) - restriction: || (&& (== net45) (< portable-net45+win8+wpa81)) (== netstandard2.0)
      System.Runtime (>= 4.3) - restriction: || (&& (== net45) (< portable-net45+win8+wpa81)) (== netstandard2.0)
      System.Runtime.Extensions (>= 4.3) - restriction: || (&& (== net45) (< portable-net45+win8+wpa81)) (== netstandard2.0)
      System.Runtime.Handles (>= 4.3) - restriction: == netstandard2.0
      System.Runtime.InteropServices (>= 4.3) - restriction: || (&& (== net45) (< portable-net45+win8+wpa81)) (== netstandard2.0)
      System.Security.Cryptography.Algorithms (>= 4.3) - restriction: == netstandard2.0
      System.Security.Cryptography.Encoding (>= 4.3) - restriction: == netstandard2.0
      System.Security.Cryptography.OpenSsl (>= 4.3) - restriction: == netstandard2.0
      System.Security.Cryptography.Primitives (>= 4.3) - restriction: == netstandard2.0
      System.Security.Cryptography.X509Certificates (>= 4.3) - restriction: || (&& (== net45) (>= net46)) (&& (== net45) (< portable-net45+win8+wpa81)) (== netstandard2.0)
      System.Text.Encoding (>= 4.3) - restriction: || (&& (== net45) (< portable-net45+win8+wpa81)) (== netstandard2.0)
      System.Threading (>= 4.3) - restriction: || (&& (== net45) (< portable-net45+win8+wpa81)) (== netstandard2.0)
      System.Threading.Tasks (>= 4.3) - restriction: || (&& (== net45) (< portable-net45+win8+wpa81)) (== netstandard2.0)
    System.Net.Primitives (4.3) - restriction: || (&& (== net45) (< netstandard1.1) (>= netstandard1.6)) (&& (== net45) (>= netstandard1.6) (< portable-net45+win8+wp8+wpa81)) (== netstandard2.0)
      Microsoft.NETCore.Platforms (>= 1.1) - restriction: || (&& (== net45) (< netstandard1.1)) (&& (== net45) (< portable-net45+win8+wp8+wpa81)) (== netstandard2.0)
      Microsoft.NETCore.Targets (>= 1.1) - restriction: || (&& (== net45) (< netstandard1.1)) (&& (== net45) (< portable-net45+win8+wp8+wpa81)) (== netstandard2.0)
      System.Runtime (>= 4.3) - restriction: || (&& (== net45) (< netstandard1.1)) (&& (== net45) (< portable-net45+win8+wp8+wpa81)) (== netstandard2.0)
      System.Runtime.Handles (>= 4.3) - restriction: || (&& (== net45) (< portable-net45+win8+wp8+wpa81)) (== netstandard2.0)
    System.Net.Requests (4.3) - restriction: || (&& (== net45) (>= netstandard1.6)) (== netstandard2.0)
      Microsoft.NETCore.Platforms (>= 1.1) - restriction: == netstandard2.0
      System.Collections (>= 4.3) - restriction: || (&& (== net45) (< portable-net45+win8+wp8+wpa81)) (== netstandard2.0)
      System.Diagnostics.Debug (>= 4.3) - restriction: || (&& (== net45) (< portable-net45+win8+wp8+wpa81)) (== netstandard2.0)
      System.Diagnostics.Tracing (>= 4.3) - restriction: || (&& (== net45) (< portable-net45+win8+wp8+wpa81)) (== netstandard2.0)
      System.Globalization (>= 4.3) - restriction: || (&& (== net45) (< portable-net45+win8+wp8+wpa81)) (== netstandard2.0)
      System.IO (>= 4.3) - restriction: || (&& (== net45) (< netstandard1.1)) (&& (== net45) (< portable-net45+win8+wp8+wpa81)) (== netstandard2.0)
      System.Net.Http (>= 4.3) - restriction: || (&& (== net45) (< portable-net45+win8+wp8+wpa81)) (== netstandard2.0)
      System.Net.Primitives (>= 4.3) - restriction: || (&& (== net45) (< netstandard1.1)) (&& (== net45) (< portable-net45+win8+wp8+wpa81)) (== netstandard2.0)
      System.Net.WebHeaderCollection (>= 4.3) - restriction: || (&& (== net45) (< portable-net45+win8+wp8+wpa81)) (== netstandard2.0)
      System.Resources.ResourceManager (>= 4.3) - restriction: || (&& (== net45) (< portable-net45+win8+wp8+wpa81)) (== netstandard2.0)
      System.Runtime (>= 4.3) - restriction: || (&& (== net45) (< netstandard1.1)) (&& (== net45) (< portable-net45+win8+wp8+wpa81)) (== netstandard2.0)
      System.Threading (>= 4.3) - restriction: || (&& (== net45) (< portable-net45+win8+wp8+wpa81)) (== netstandard2.0)
      System.Threading.Tasks (>= 4.3) - restriction: || (&& (== net45) (< portable-net45+win8+wp8+wpa81)) (== netstandard2.0)
    System.Net.WebHeaderCollection (4.3) - restriction: || (&& (== net45) (>= netstandard1.6) (< portable-net45+win8+wp8+wpa81)) (== netstandard2.0)
      System.Collections (>= 4.3) - restriction: || (&& (== net45) (>= netstandard1.3)) (== netstandard2.0)
      System.Resources.ResourceManager (>= 4.3) - restriction: || (&& (== net45) (>= netstandard1.3)) (== netstandard2.0)
      System.Runtime (>= 4.3) - restriction: || (&& (== net45) (>= netstandard1.3)) (== netstandard2.0)
      System.Runtime.Extensions (>= 4.3) - restriction: || (&& (== net45) (>= netstandard1.3)) (== netstandard2.0)
    System.ObjectModel (4.3) - restriction: || (&& (== net45) (< net20)) (== netstandard2.0)
      System.Collections (>= 4.3) - restriction: || (&& (== net45) (< portable-net45+win8+wp8+wpa81)) (== netstandard2.0)
      System.Diagnostics.Debug (>= 4.3) - restriction: || (&& (== net45) (< portable-net45+win8+wp8+wpa81)) (== netstandard2.0)
      System.Resources.ResourceManager (>= 4.3) - restriction: || (&& (== net45) (< portable-net45+win8+wp8+wpa81)) (== netstandard2.0)
      System.Runtime (>= 4.3) - restriction: || (&& (== net45) (< portable-net45+win8+wp8+wpa81)) (== netstandard2.0)
      System.Threading (>= 4.3) - restriction: || (&& (== net45) (< portable-net45+win8+wp8+wpa81)) (== netstandard2.0)
    System.Reflection (4.3) - restriction: || (&& (== net45) (< net20)) (&& (== net45) (>= netstandard1.6)) (== netstandard2.0)
      Microsoft.NETCore.Platforms (>= 1.1) - restriction: || (&& (== net45) (< portable-net45+win8+wp8+wpa81)) (== netstandard2.0)
      Microsoft.NETCore.Targets (>= 1.1) - restriction: || (&& (== net45) (< portable-net45+win8+wp8+wpa81)) (== netstandard2.0)
      System.IO (>= 4.3) - restriction: || (&& (== net45) (< portable-net45+win8+wp8+wpa81)) (== netstandard2.0)
      System.Reflection.Primitives (>= 4.3) - restriction: || (&& (== net45) (< portable-net45+win8+wp8+wpa81)) (== netstandard2.0)
      System.Runtime (>= 4.3) - restriction: || (&& (== net45) (< portable-net45+win8+wp8+wpa81)) (== netstandard2.0)
    System.Reflection.Emit (4.3) - restriction: || (&& (== net45) (< net20) (>= netstandard1.3)) (&& (== net45) (< net20) (>= netstandard1.6)) (== netstandard2.0)
      System.IO (>= 4.3) - restriction: == netstandard2.0
      System.Reflection (>= 4.3) - restriction: == netstandard2.0
      System.Reflection.Emit.ILGeneration (>= 4.3) - restriction: == netstandard2.0
      System.Reflection.Primitives (>= 4.3) - restriction: == netstandard2.0
      System.Runtime (>= 4.3) - restriction: == netstandard2.0
    System.Reflection.Emit.ILGeneration (4.3) - restriction: || (&& (== net45) (< net20) (>= netstandard1.3)) (&& (== net45) (< net20) (>= netstandard1.6)) (&& (== net45) (< net20) (< portable-net45+win8+wp8+wpa81)) (== netstandard2.0)
      System.Reflection (>= 4.3) - restriction: == netstandard2.0
      System.Reflection.Primitives (>= 4.3) - restriction: == netstandard2.0
      System.Runtime (>= 4.3) - restriction: == netstandard2.0
    System.Reflection.Emit.Lightweight (4.3) - restriction: || (&& (== net45) (< net20) (>= netstandard1.6)) (&& (== net45) (< net20) (< portable-net45+win8+wp8+wpa81)) (== netstandard2.0)
      System.Reflection (>= 4.3) - restriction: == netstandard2.0
      System.Reflection.Emit.ILGeneration (>= 4.3) - restriction: == netstandard2.0
      System.Reflection.Primitives (>= 4.3) - restriction: == netstandard2.0
      System.Runtime (>= 4.3) - restriction: == netstandard2.0
    System.Reflection.Extensions (4.3) - restriction: || (&& (== net45) (< net20)) (&& (== net45) (>= netstandard1.6)) (== netstandard2.0)
      Microsoft.NETCore.Platforms (>= 1.1) - restriction: || (&& (== net45) (< portable-net45+win8+wp8+wpa81)) (== netstandard2.0)
      Microsoft.NETCore.Targets (>= 1.1) - restriction: || (&& (== net45) (< portable-net45+win8+wp8+wpa81)) (== netstandard2.0)
      System.Reflection (>= 4.3) - restriction: || (&& (== net45) (< portable-net45+win8+wp8+wpa81)) (== netstandard2.0)
      System.Runtime (>= 4.3) - restriction: || (&& (== net45) (< portable-net45+win8+wp8+wpa81)) (== netstandard2.0)
    System.Reflection.Primitives (4.3) - restriction: || (&& (== net45) (< net20)) (== netstandard2.0)
      Microsoft.NETCore.Platforms (>= 1.1) - restriction: || (&& (== net45) (< portable-net45+win8+wp8+wpa81)) (== netstandard2.0)
      Microsoft.NETCore.Targets (>= 1.1) - restriction: || (&& (== net45) (< portable-net45+win8+wp8+wpa81)) (== netstandard2.0)
      System.Runtime (>= 4.3) - restriction: || (&& (== net45) (< portable-net45+win8+wp8+wpa81)) (== netstandard2.0)
    System.Reflection.TypeExtensions (4.4) - restriction: || (&& (== net45) (< net20) (>= netstandard1.3)) (&& (== net45) (< net20) (>= netstandard1.5)) (&& (== net45) (< net20) (>= netstandard1.6)) (&& (== net45) (< net20) (< portable-net45+win8+wp8+wpa81)) (== netstandard2.0)
    System.Resources.ResourceManager (4.3) - restriction: || (&& (== net45) (< net20)) (&& (== net45) (>= netstandard1.6)) (== netstandard2.0)
      Microsoft.NETCore.Platforms (>= 1.1) - restriction: || (&& (== net45) (< portable-net45+win8+wp8+wpa81)) (== netstandard2.0)
      Microsoft.NETCore.Targets (>= 1.1) - restriction: || (&& (== net45) (< portable-net45+win8+wp8+wpa81)) (== netstandard2.0)
      System.Globalization (>= 4.3) - restriction: || (&& (== net45) (< portable-net45+win8+wp8+wpa81)) (== netstandard2.0)
      System.Reflection (>= 4.3) - restriction: || (&& (== net45) (< portable-net45+win8+wp8+wpa81)) (== netstandard2.0)
      System.Runtime (>= 4.3) - restriction: || (&& (== net45) (< portable-net45+win8+wp8+wpa81)) (== netstandard2.0)
    System.Runtime (4.3) - restriction: || (&& (== net45) (< net20)) (&& (== net45) (>= netstandard1.6)) (== netstandard2.0)
      Microsoft.NETCore.Platforms (>= 1.1) - restriction: || (&& (== net45) (< portable-net45+win8+wp8+wpa81)) (== netstandard2.0)
      Microsoft.NETCore.Targets (>= 1.1) - restriction: || (&& (== net45) (< portable-net45+win8+wp8+wpa81)) (== netstandard2.0)
    System.Runtime.Extensions (4.3) - restriction: || (&& (== net45) (< net20)) (&& (== net45) (>= netstandard1.6)) (== netstandard2.0)
      Microsoft.NETCore.Platforms (>= 1.1) - restriction: || (&& (== net45) (< portable-net45+win8+wp8+wpa81)) (== netstandard2.0)
      Microsoft.NETCore.Targets (>= 1.1) - restriction: || (&& (== net45) (< portable-net45+win8+wp8+wpa81)) (== netstandard2.0)
      System.Runtime (>= 4.3) - restriction: || (&& (== net45) (< portable-net45+win8+wp8+wpa81)) (== netstandard2.0)
    System.Runtime.Handles (4.3) - restriction: || (&& (== net45) (>= netstandard1.6)) (== netstandard2.0)
      Microsoft.NETCore.Platforms (>= 1.1) - restriction: || (&& (== net45) (>= netstandard1.3)) (== netstandard2.0)
      Microsoft.NETCore.Targets (>= 1.1) - restriction: || (&& (== net45) (>= netstandard1.3)) (== netstandard2.0)
      System.Runtime (>= 4.3) - restriction: || (&& (== net45) (>= netstandard1.3)) (== netstandard2.0)
    System.Runtime.InteropServices (4.3) - restriction: || (&& (== net45) (< net20) (>= netstandard1.3)) (&& (== net45) (< net20) (< portable-net45+win8+wp8+wpa81)) (&& (== net45) (>= netstandard1.6) (< portable-net45+win8+wp8+wpa81)) (== netstandard2.0)
      Microsoft.NETCore.Platforms (>= 1.1) - restriction: || (&& (== net45) (>= netcoreapp1.1)) (&& (== net45) (< portable-net45+win8+wpa81)) (== netstandard2.0)
      Microsoft.NETCore.Targets (>= 1.1) - restriction: || (&& (== net45) (>= netcoreapp1.1)) (&& (== net45) (< portable-net45+win8+wpa81)) (== netstandard2.0)
      System.Reflection (>= 4.3) - restriction: || (&& (== net45) (>= netcoreapp1.1)) (&& (== net45) (< portable-net45+win8+wpa81)) (== netstandard2.0)
      System.Reflection.Primitives (>= 4.3) - restriction: || (&& (== net45) (>= netcoreapp1.1)) (&& (== net45) (< portable-net45+win8+wpa81)) (== netstandard2.0)
      System.Runtime (>= 4.3) - restriction: || (&& (== net45) (>= net462)) (&& (== net45) (>= netcoreapp1.1)) (&& (== net45) (< portable-net45+win8+wpa81)) (== netstandard2.0)
      System.Runtime.Handles (>= 4.3) - restriction: || (&& (== net45) (>= netcoreapp1.1)) (&& (== net45) (< portable-net45+win8+wpa81)) (== netstandard2.0)
    System.Runtime.Numerics (4.3) - restriction: || (&& (== net45) (< net20) (>= netstandard1.3)) (&& (== net45) (>= netstandard1.6)) (== netstandard2.0)
      System.Globalization (>= 4.3) - restriction: || (&& (== net45) (< portable-net45+win8+wpa81)) (== netstandard2.0)
      System.Resources.ResourceManager (>= 4.3) - restriction: || (&& (== net45) (< portable-net45+win8+wpa81)) (== netstandard2.0)
      System.Runtime (>= 4.3) - restriction: || (&& (== net45) (< portable-net45+win8+wpa81)) (== netstandard2.0)
      System.Runtime.Extensions (>= 4.3) - restriction: || (&& (== net45) (< portable-net45+win8+wpa81)) (== netstandard2.0)
    System.Runtime.Serialization.Formatters (4.3) - restriction: || (&& (== net45) (< net20) (>= netstandard1.3)) (== netstandard2.0)
      System.Collections (>= 4.3) - restriction: || (&& (== net45) (>= netstandard1.4)) (== netstandard2.0)
      System.Reflection (>= 4.3) - restriction: || (&& (== net45) (>= netstandard1.4)) (== netstandard2.0)
      System.Resources.ResourceManager (>= 4.3) - restriction: || (&& (== net45) (>= netstandard1.4)) (== netstandard2.0)
      System.Runtime (>= 4.3) - restriction: || (&& (== net45) (>= netstandard1.3)) (&& (== net45) (>= netstandard1.4)) (== netstandard2.0)
      System.Runtime.Serialization.Primitives (>= 4.3) - restriction: || (&& (== net45) (>= net46)) (&& (== net45) (>= netstandard1.3)) (&& (== net45) (>= netstandard1.4)) (== netstandard2.0)
    System.Runtime.Serialization.Primitives (4.3) - restriction: || (&& (== net45) (< net20)) (== netstandard2.0)
      System.Resources.ResourceManager (>= 4.3) - restriction: || (&& (== net45) (< portable-net45+win8+wp8+wpa81)) (== netstandard2.0)
      System.Runtime (>= 4.3) - restriction: || (&& (== net45) (< portable-net45+win8+wp8+wpa81)) (== netstandard2.0)
    System.Security.Cryptography.Algorithms (4.3.1) - restriction: || (&& (== net45) (>= netstandard1.6) (< portable-net45+win8+wp8+wpa81)) (== netstandard2.0)
      Microsoft.NETCore.Platforms (>= 1.1)
      runtime.native.System.Security.Cryptography.Apple (>= 4.3.1) - restriction: || (&& (== net45) (>= netstandard1.6)) (== netstandard2.0)
      runtime.native.System.Security.Cryptography.OpenSsl (>= 4.3.2) - restriction: || (&& (== net45) (>= netstandard1.6)) (== netstandard2.0)
      System.Collections (>= 4.3) - restriction: || (&& (== net45) (>= netstandard1.6)) (== netstandard2.0)
      System.IO (>= 4.3)
      System.Resources.ResourceManager (>= 4.3)
      System.Runtime (>= 4.3)
      System.Runtime.Extensions (>= 4.3)
      System.Runtime.Handles (>= 4.3)
      System.Runtime.InteropServices (>= 4.3)
      System.Runtime.Numerics (>= 4.3) - restriction: || (&& (== net45) (>= netstandard1.6)) (== netstandard2.0)
      System.Security.Cryptography.Encoding (>= 4.3)
      System.Security.Cryptography.Primitives (>= 4.3)
      System.Text.Encoding (>= 4.3)
    System.Security.Cryptography.Cng (4.4) - restriction: || (&& (== net45) (>= netstandard1.6) (< portable-net45+win8+wp8+wpa81)) (== netstandard2.0)
    System.Security.Cryptography.Csp (4.3) - restriction: || (&& (== net45) (>= netstandard1.6) (< portable-net45+win8+wp8+wpa81)) (== netstandard2.0)
      Microsoft.NETCore.Platforms (>= 1.1) - restriction: || (&& (== net45) (>= netstandard1.3)) (== netstandard2.0)
      System.IO (>= 4.3) - restriction: || (&& (== net45) (>= netstandard1.3)) (== netstandard2.0)
      System.Reflection (>= 4.3) - restriction: || (&& (== net45) (>= netstandard1.3)) (== netstandard2.0)
      System.Resources.ResourceManager (>= 4.3) - restriction: || (&& (== net45) (>= netstandard1.3)) (== netstandard2.0)
      System.Runtime (>= 4.3) - restriction: || (&& (== net45) (>= netstandard1.3)) (== netstandard2.0)
      System.Runtime.Extensions (>= 4.3) - restriction: || (&& (== net45) (>= netstandard1.3)) (== netstandard2.0)
      System.Runtime.Handles (>= 4.3) - restriction: || (&& (== net45) (>= netstandard1.3)) (== netstandard2.0)
      System.Runtime.InteropServices (>= 4.3) - restriction: || (&& (== net45) (>= netstandard1.3)) (== netstandard2.0)
      System.Security.Cryptography.Algorithms (>= 4.3) - restriction: || (&& (== net45) (>= net46)) (&& (== net45) (>= netstandard1.3)) (== netstandard2.0)
      System.Security.Cryptography.Encoding (>= 4.3) - restriction: || (&& (== net45) (>= netstandard1.3)) (== netstandard2.0)
      System.Security.Cryptography.Primitives (>= 4.3) - restriction: || (&& (== net45) (>= net46)) (&& (== net45) (>= netstandard1.3)) (== netstandard2.0)
      System.Text.Encoding (>= 4.3) - restriction: || (&& (== net45) (>= netstandard1.3)) (== netstandard2.0)
      System.Threading (>= 4.3) - restriction: || (&& (== net45) (>= netstandard1.3)) (== netstandard2.0)
    System.Security.Cryptography.Encoding (4.3) - restriction: || (&& (== net45) (>= netstandard1.6) (< portable-net45+win8+wp8+wpa81)) (== netstandard2.0)
      Microsoft.NETCore.Platforms (>= 1.1) - restriction: || (&& (== net45) (>= netstandard1.3)) (== netstandard2.0)
      runtime.native.System.Security.Cryptography.OpenSsl (>= 4.3) - restriction: || (&& (== net45) (>= netstandard1.3)) (== netstandard2.0)
      System.Collections (>= 4.3) - restriction: || (&& (== net45) (>= netstandard1.3)) (== netstandard2.0)
      System.Collections.Concurrent (>= 4.3) - restriction: || (&& (== net45) (>= netstandard1.3)) (== netstandard2.0)
      System.Linq (>= 4.3) - restriction: || (&& (== net45) (>= netstandard1.3)) (== netstandard2.0)
      System.Resources.ResourceManager (>= 4.3) - restriction: || (&& (== net45) (>= netstandard1.3)) (== netstandard2.0)
      System.Runtime (>= 4.3) - restriction: || (&& (== net45) (>= netstandard1.3)) (== netstandard2.0)
      System.Runtime.Extensions (>= 4.3) - restriction: || (&& (== net45) (>= netstandard1.3)) (== netstandard2.0)
      System.Runtime.Handles (>= 4.3) - restriction: || (&& (== net45) (>= netstandard1.3)) (== netstandard2.0)
      System.Runtime.InteropServices (>= 4.3) - restriction: || (&& (== net45) (>= netstandard1.3)) (== netstandard2.0)
      System.Security.Cryptography.Primitives (>= 4.3) - restriction: || (&& (== net45) (>= netstandard1.3)) (== netstandard2.0)
      System.Text.Encoding (>= 4.3) - restriction: || (&& (== net45) (>= netstandard1.3)) (== netstandard2.0)
    System.Security.Cryptography.OpenSsl (4.4) - restriction: || (&& (== net45) (>= netstandard1.6) (< portable-net45+win8+wp8+wpa81)) (== netstandard2.0)
    System.Security.Cryptography.Primitives (4.3) - restriction: || (&& (== net45) (>= netstandard1.6) (< portable-net45+win8+wp8+wpa81)) (== netstandard2.0)
      System.Diagnostics.Debug (>= 4.3) - restriction: || (&& (== net45) (>= netstandard1.3)) (== netstandard2.0)
      System.Globalization (>= 4.3) - restriction: || (&& (== net45) (>= netstandard1.3)) (== netstandard2.0)
      System.IO (>= 4.3) - restriction: || (&& (== net45) (>= netstandard1.3)) (== netstandard2.0)
      System.Resources.ResourceManager (>= 4.3) - restriction: || (&& (== net45) (>= netstandard1.3)) (== netstandard2.0)
      System.Runtime (>= 4.3) - restriction: || (&& (== net45) (>= netstandard1.3)) (== netstandard2.0)
      System.Threading (>= 4.3) - restriction: || (&& (== net45) (>= netstandard1.3)) (== netstandard2.0)
      System.Threading.Tasks (>= 4.3) - restriction: || (&& (== net45) (>= netstandard1.3)) (== netstandard2.0)
    System.Security.Cryptography.X509Certificates (4.3.2) - restriction: || (&& (== net45) (>= netstandard1.6) (< portable-net45+win8+wp8+wpa81)) (== netstandard2.0)
      Microsoft.NETCore.Platforms (>= 1.1)
      runtime.native.System (>= 4.3) - restriction: || (&& (== net45) (>= netstandard1.6)) (== netstandard2.0)
      runtime.native.System.Net.Http (>= 4.3) - restriction: || (&& (== net45) (>= netstandard1.6)) (== netstandard2.0)
      runtime.native.System.Security.Cryptography.OpenSsl (>= 4.3.2) - restriction: || (&& (== net45) (>= netstandard1.6)) (== netstandard2.0)
      System.Collections (>= 4.3)
      System.Diagnostics.Debug (>= 4.3) - restriction: || (&& (== net45) (>= netstandard1.6)) (== netstandard2.0)
      System.Globalization (>= 4.3)
      System.Globalization.Calendars (>= 4.3)
      System.IO (>= 4.3)
      System.IO.FileSystem (>= 4.3)
      System.IO.FileSystem.Primitives (>= 4.3) - restriction: || (&& (== net45) (>= netstandard1.6)) (== netstandard2.0)
      System.Resources.ResourceManager (>= 4.3)
      System.Runtime (>= 4.3)
      System.Runtime.Extensions (>= 4.3)
      System.Runtime.Handles (>= 4.3)
      System.Runtime.InteropServices (>= 4.3)
      System.Runtime.Numerics (>= 4.3)
      System.Security.Cryptography.Algorithms (>= 4.3)
      System.Security.Cryptography.Cng (>= 4.3)
      System.Security.Cryptography.Csp (>= 4.3) - restriction: || (&& (== net45) (>= netstandard1.6)) (== netstandard2.0)
      System.Security.Cryptography.Encoding (>= 4.3)
      System.Security.Cryptography.OpenSsl (>= 4.3) - restriction: || (&& (== net45) (>= netstandard1.6)) (== netstandard2.0)
      System.Security.Cryptography.Primitives (>= 4.3)
      System.Text.Encoding (>= 4.3)
      System.Threading (>= 4.3)
    System.Text.Encoding (4.3) - restriction: || (&& (== net45) (< net20)) (== netstandard2.0)
      Microsoft.NETCore.Platforms (>= 1.1) - restriction: || (&& (== net45) (< portable-net45+win8+wp8+wpa81)) (== netstandard2.0)
      Microsoft.NETCore.Targets (>= 1.1) - restriction: || (&& (== net45) (< portable-net45+win8+wp8+wpa81)) (== netstandard2.0)
      System.Runtime (>= 4.3) - restriction: || (&& (== net45) (< portable-net45+win8+wp8+wpa81)) (== netstandard2.0)
    System.Text.Encoding.Extensions (4.3) - restriction: || (&& (== net45) (< net20)) (== netstandard2.0)
      Microsoft.NETCore.Platforms (>= 1.1) - restriction: || (&& (== net45) (< portable-net45+win8+wp8+wpa81)) (== netstandard2.0)
      Microsoft.NETCore.Targets (>= 1.1) - restriction: || (&& (== net45) (< portable-net45+win8+wp8+wpa81)) (== netstandard2.0)
      System.Runtime (>= 4.3) - restriction: || (&& (== net45) (< portable-net45+win8+wp8+wpa81)) (== netstandard2.0)
      System.Text.Encoding (>= 4.3) - restriction: || (&& (== net45) (< portable-net45+win8+wp8+wpa81)) (== netstandard2.0)
    System.Text.RegularExpressions (4.3) - restriction: || (&& (== net45) (< net20)) (&& (== net45) (>= netstandard1.6)) (== netstandard2.0)
      System.Collections (>= 4.3) - restriction: || (&& (== net45) (< portable-net45+win8+wp8+wpa81)) (== netstandard2.0)
      System.Globalization (>= 4.3) - restriction: || (&& (== net45) (< portable-net45+win8+wp8+wpa81)) (== netstandard2.0)
      System.Resources.ResourceManager (>= 4.3) - restriction: || (&& (== net45) (< portable-net45+win8+wp8+wpa81)) (== netstandard2.0)
      System.Runtime (>= 4.3) - restriction: || (&& (== net45) (>= netcoreapp1.1)) (&& (== net45) (< portable-net45+win8+wp8+wpa81)) (== netstandard2.0)
      System.Runtime.Extensions (>= 4.3) - restriction: || (&& (== net45) (< portable-net45+win8+wp8+wpa81)) (== netstandard2.0)
      System.Threading (>= 4.3) - restriction: || (&& (== net45) (< portable-net45+win8+wp8+wpa81)) (== netstandard2.0)
    System.Threading (4.3) - restriction: || (&& (== net45) (< net20)) (&& (== net45) (>= netstandard1.6)) (== netstandard2.0)
      System.Runtime (>= 4.3) - restriction: || (&& (== net45) (< portable-net45+win8+wp8+wpa81)) (== netstandard2.0)
      System.Threading.Tasks (>= 4.3) - restriction: || (&& (== net45) (< portable-net45+win8+wp8+wpa81)) (== netstandard2.0)
    System.Threading.Tasks (4.3) - restriction: || (&& (== net45) (< net20)) (&& (== net45) (>= netstandard1.6)) (== netstandard2.0)
      Microsoft.NETCore.Platforms (>= 1.1) - restriction: || (&& (== net45) (< portable-net45+win8+wp8+wpa81)) (== netstandard2.0)
      Microsoft.NETCore.Targets (>= 1.1) - restriction: || (&& (== net45) (< portable-net45+win8+wp8+wpa81)) (== netstandard2.0)
      System.Runtime (>= 4.3) - restriction: || (&& (== net45) (< portable-net45+win8+wp8+wpa81)) (== netstandard2.0)
    System.Threading.Tasks.Extensions (4.4) - restriction: || (&& (== net45) (< net20) (>= netstandard1.3)) (&& (== net45) (< net20) (< portable-net45+win8+wp8+wpa81)) (== netstandard2.0)
    System.Threading.Tasks.Parallel (4.3) - restriction: || (&& (== net45) (>= netstandard1.6)) (== netstandard2.0)
      System.Collections.Concurrent (>= 4.3) - restriction: || (&& (== net45) (< portable-net45+win8+wpa81)) (== netstandard2.0)
      System.Diagnostics.Debug (>= 4.3) - restriction: || (&& (== net45) (< portable-net45+win8+wpa81)) (== netstandard2.0)
      System.Diagnostics.Tracing (>= 4.3) - restriction: || (&& (== net45) (< portable-net45+win8+wpa81)) (== netstandard2.0)
      System.Resources.ResourceManager (>= 4.3) - restriction: || (&& (== net45) (< portable-net45+win8+wpa81)) (== netstandard2.0)
      System.Runtime (>= 4.3) - restriction: || (&& (== net45) (< portable-net45+win8+wpa81)) (== netstandard2.0)
      System.Runtime.Extensions (>= 4.3) - restriction: || (&& (== net45) (< portable-net45+win8+wpa81)) (== netstandard2.0)
      System.Threading (>= 4.3) - restriction: || (&& (== net45) (< portable-net45+win8+wpa81)) (== netstandard2.0)
      System.Threading.Tasks (>= 4.3) - restriction: || (&& (== net45) (< portable-net45+win8+wpa81)) (== netstandard2.0)
    System.Threading.Thread (4.3) - restriction: || (&& (== net45) (>= netstandard1.6)) (== netstandard2.0)
      System.Runtime (>= 4.3) - restriction: || (&& (== net45) (>= netstandard1.3)) (== netstandard2.0)
    System.Threading.ThreadPool (4.3) - restriction: || (&& (== net45) (>= netstandard1.6)) (== netstandard2.0)
      System.Runtime (>= 4.3) - restriction: || (&& (== net45) (>= netstandard1.3)) (== netstandard2.0)
      System.Runtime.Handles (>= 4.3) - restriction: || (&& (== net45) (>= netstandard1.3)) (== netstandard2.0)
    System.Threading.Timer (4.3) - restriction: || (&& (== net45) (>= netstandard1.6)) (== netstandard2.0)
      Microsoft.NETCore.Platforms (>= 1.1)
      Microsoft.NETCore.Targets (>= 1.1)
      System.Runtime (>= 4.3)
    System.Xml.ReaderWriter (4.3.1) - restriction: || (&& (== net45) (< net20)) (== netstandard2.0)
      System.Collections (>= 4.3) - restriction: || (&& (== net45) (< portable-net45+win8+wp8+wpa81)) (== netstandard2.0)
      System.Diagnostics.Debug (>= 4.3) - restriction: || (&& (== net45) (< portable-net45+win8+wp8+wpa81)) (== netstandard2.0)
      System.Globalization (>= 4.3) - restriction: || (&& (== net45) (< portable-net45+win8+wp8+wpa81)) (== netstandard2.0)
      System.IO (>= 4.3) - restriction: || (&& (== net45) (< portable-net45+win8+wp8+wpa81)) (== netstandard2.0)
      System.IO.FileSystem (>= 4.3) - restriction: || (&& (== net45) (< portable-net45+win8+wp8+wpa81)) (== netstandard2.0)
      System.IO.FileSystem.Primitives (>= 4.3) - restriction: || (&& (== net45) (< portable-net45+win8+wp8+wpa81)) (== netstandard2.0)
      System.Resources.ResourceManager (>= 4.3) - restriction: || (&& (== net45) (< portable-net45+win8+wp8+wpa81)) (== netstandard2.0)
      System.Runtime (>= 4.3) - restriction: || (&& (== net45) (< portable-net45+win8+wp8+wpa81)) (== netstandard2.0)
      System.Runtime.Extensions (>= 4.3) - restriction: || (&& (== net45) (< portable-net45+win8+wp8+wpa81)) (== netstandard2.0)
      System.Runtime.InteropServices (>= 4.3) - restriction: || (&& (== net45) (< portable-net45+win8+wp8+wpa81)) (== netstandard2.0)
      System.Text.Encoding (>= 4.3) - restriction: || (&& (== net45) (< portable-net45+win8+wp8+wpa81)) (== netstandard2.0)
      System.Text.Encoding.Extensions (>= 4.3) - restriction: || (&& (== net45) (< portable-net45+win8+wp8+wpa81)) (== netstandard2.0)
      System.Text.RegularExpressions (>= 4.3) - restriction: || (&& (== net45) (< portable-net45+win8+wp8+wpa81)) (== netstandard2.0)
      System.Threading.Tasks (>= 4.3) - restriction: || (&& (== net45) (< portable-net45+win8+wp8+wpa81)) (== netstandard2.0)
      System.Threading.Tasks.Extensions (>= 4.3) - restriction: || (&& (== net45) (< portable-net45+win8+wp8+wpa81)) (== netstandard2.0)
    System.Xml.XDocument (4.3) - restriction: || (&& (== net45) (< net20)) (== netstandard2.0)
      System.Collections (>= 4.3) - restriction: || (&& (== net45) (< portable-net45+win8+wp8+wpa81)) (== netstandard2.0)
      System.Diagnostics.Debug (>= 4.3) - restriction: || (&& (== net45) (< portable-net45+win8+wp8+wpa81)) (== netstandard2.0)
      System.Diagnostics.Tools (>= 4.3) - restriction: || (&& (== net45) (< portable-net45+win8+wp8+wpa81)) (== netstandard2.0)
      System.Globalization (>= 4.3) - restriction: || (&& (== net45) (< portable-net45+win8+wp8+wpa81)) (== netstandard2.0)
      System.IO (>= 4.3) - restriction: || (&& (== net45) (< portable-net45+win8+wp8+wpa81)) (== netstandard2.0)
      System.Reflection (>= 4.3) - restriction: || (&& (== net45) (< portable-net45+win8+wp8+wpa81)) (== netstandard2.0)
      System.Resources.ResourceManager (>= 4.3) - restriction: || (&& (== net45) (< portable-net45+win8+wp8+wpa81)) (== netstandard2.0)
      System.Runtime (>= 4.3) - restriction: || (&& (== net45) (< portable-net45+win8+wp8+wpa81)) (== netstandard2.0)
      System.Runtime.Extensions (>= 4.3) - restriction: || (&& (== net45) (< portable-net45+win8+wp8+wpa81)) (== netstandard2.0)
      System.Text.Encoding (>= 4.3) - restriction: || (&& (== net45) (< portable-net45+win8+wp8+wpa81)) (== netstandard2.0)
      System.Threading (>= 4.3) - restriction: || (&& (== net45) (< portable-net45+win8+wp8+wpa81)) (== netstandard2.0)
      System.Xml.ReaderWriter (>= 4.3) - restriction: || (&& (== net45) (< portable-net45+win8+wp8+wpa81)) (== netstandard2.0)
    System.Xml.XmlDocument (4.3) - restriction: || (&& (== net45) (< net20) (>= netstandard1.3)) (== netstandard2.0)
      System.Collections (>= 4.3) - restriction: || (&& (== net45) (>= netstandard1.3)) (== netstandard2.0)
      System.Diagnostics.Debug (>= 4.3) - restriction: || (&& (== net45) (>= netstandard1.3)) (== netstandard2.0)
      System.Globalization (>= 4.3) - restriction: || (&& (== net45) (>= netstandard1.3)) (== netstandard2.0)
      System.IO (>= 4.3) - restriction: || (&& (== net45) (>= netstandard1.3)) (== netstandard2.0)
      System.Resources.ResourceManager (>= 4.3) - restriction: || (&& (== net45) (>= netstandard1.3)) (== netstandard2.0)
      System.Runtime (>= 4.3) - restriction: || (&& (== net45) (>= netstandard1.3)) (== netstandard2.0)
      System.Runtime.Extensions (>= 4.3) - restriction: || (&& (== net45) (>= netstandard1.3)) (== netstandard2.0)
      System.Text.Encoding (>= 4.3) - restriction: || (&& (== net45) (>= netstandard1.3)) (== netstandard2.0)
      System.Threading (>= 4.3) - restriction: || (&& (== net45) (>= netstandard1.3)) (== netstandard2.0)
      System.Xml.ReaderWriter (>= 4.3) - restriction: || (&& (== net45) (>= netstandard1.3)) (== netstandard2.0)
GITHUB
  remote: eiriktsarpalis/TypeShape
    src/TypeShape/TypeShape.fs (bde1edc371b7b5bc9f9f9b3bbc9bd87da926bcb4)
GROUP Build
REDIRECTS: ON
RESTRICTION: >= net40
NUGET
  remote: https://www.nuget.org/api/v2
    FAKE (4.64.3)
    FSharp.Compiler.Service (2.0.0.6)
    FSharp.Core (4.2.1)
      System.Collections (>= 4.0.11) - restriction: && (>= net40) (>= netstandard1.6)
      System.Console (>= 4.0) - restriction: && (>= net40) (>= netstandard1.6)
      System.Diagnostics.Debug (>= 4.0.11) - restriction: && (>= net40) (>= netstandard1.6)
      System.Diagnostics.Tools (>= 4.0.1) - restriction: && (>= net40) (>= netstandard1.6)
      System.Globalization (>= 4.0.11) - restriction: && (>= net40) (>= netstandard1.6)
      System.IO (>= 4.1) - restriction: && (>= net40) (>= netstandard1.6)
      System.Linq (>= 4.1) - restriction: && (>= net40) (>= netstandard1.6)
      System.Linq.Expressions (>= 4.1) - restriction: && (>= net40) (>= netstandard1.6)
      System.Linq.Queryable (>= 4.0.1) - restriction: && (>= net40) (>= netstandard1.6)
      System.Net.Requests (>= 4.0.11) - restriction: && (>= net40) (>= netstandard1.6)
      System.Reflection (>= 4.1) - restriction: && (>= net40) (>= netstandard1.6)
      System.Reflection.Extensions (>= 4.0.1) - restriction: && (>= net40) (>= netstandard1.6)
      System.Resources.ResourceManager (>= 4.0.1) - restriction: && (>= net40) (>= netstandard1.6)
      System.Runtime (>= 4.1) - restriction: && (>= net40) (>= netstandard1.6)
      System.Runtime.Extensions (>= 4.1) - restriction: && (>= net40) (>= netstandard1.6)
      System.Runtime.Numerics (>= 4.0.1) - restriction: && (>= net40) (>= netstandard1.6)
      System.Text.RegularExpressions (>= 4.1) - restriction: && (>= net40) (>= netstandard1.6)
      System.Threading (>= 4.0.11) - restriction: && (>= net40) (>= netstandard1.6)
      System.Threading.Tasks (>= 4.0.11) - restriction: && (>= net40) (>= netstandard1.6)
      System.Threading.Tasks.Parallel (>= 4.0.1) - restriction: && (>= net40) (>= netstandard1.6)
      System.Threading.Thread (>= 4.0) - restriction: && (>= net40) (>= netstandard1.6)
      System.Threading.ThreadPool (>= 4.0.10) - restriction: && (>= net40) (>= netstandard1.6)
      System.Threading.Timer (>= 4.0.1) - restriction: && (>= net40) (>= netstandard1.6)
    FSharp.Formatting (2.14.4)
      FSharp.Compiler.Service (2.0.0.6)
      FSharpVSPowerTools.Core (>= 2.3 < 2.4)
    FSharpVSPowerTools.Core (2.3)
      FSharp.Compiler.Service (>= 2.0.0.3)
    Octokit (0.28)
    System.Collections (4.3) - restriction: && (>= net40) (>= netstandard1.6)
    System.Console (4.3) - restriction: && (>= net40) (>= netstandard1.6)
    System.Diagnostics.Debug (4.3) - restriction: && (>= net40) (>= netstandard1.6)
    System.Diagnostics.Tools (4.3) - restriction: && (>= net40) (>= netstandard1.6)
    System.Globalization (4.3) - restriction: && (>= net40) (>= netstandard1.6)
    System.IO (4.3) - restriction: && (>= net40) (>= netstandard1.6)
    System.Linq (4.3) - restriction: && (>= net40) (>= netstandard1.6)
    System.Linq.Expressions (4.3) - restriction: && (>= net40) (>= netstandard1.6)
    System.Linq.Queryable (4.3) - restriction: && (>= net40) (>= netstandard1.6)
    System.Net.Requests (4.3) - restriction: && (>= net40) (>= netstandard1.6)
    System.Reflection (4.3) - restriction: && (>= net40) (>= netstandard1.6)
    System.Reflection.Extensions (4.3) - restriction: && (>= net40) (>= netstandard1.6)
    System.Resources.ResourceManager (4.3) - restriction: && (>= net40) (>= netstandard1.6)
    System.Runtime (4.3) - restriction: && (>= net40) (>= netstandard1.6)
    System.Runtime.Extensions (4.3) - restriction: && (>= net40) (>= netstandard1.6)
    System.Runtime.Numerics (4.3) - restriction: && (>= net40) (>= netstandard1.6)
    System.Text.RegularExpressions (4.3) - restriction: && (>= net40) (>= netstandard1.6)
    System.Threading (4.3) - restriction: && (>= net40) (>= netstandard1.6)
    System.Threading.Tasks (4.3) - restriction: && (>= net40) (>= netstandard1.6)
    System.Threading.Tasks.Parallel (4.3) - restriction: && (>= net40) (>= netstandard1.6)
    System.Threading.Thread (4.3) - restriction: && (>= net40) (>= netstandard1.6)
    System.Threading.ThreadPool (4.3) - restriction: && (>= net40) (>= netstandard1.6)
    System.Threading.Timer (4.3) - restriction: && (>= net40) (>= netstandard1.6)
GITHUB
  remote: fsharp/FAKE
    modules/Octokit/Octokit.fsx (51a7cae12acc7292db4623ae0e3cc3a2ce6ca1c9)
      Octokit (>= 0.20)
GROUP Legacy
REDIRECTS: FORCE
RESTRICTION: == net45
NUGET
  remote: https://www.nuget.org/api/v2
    FSharp.Core (3.1.2)
    Newtonsoft.Json (6.0.5)

GROUP Test
REDIRECTS: ON
RESTRICTION: >= net40
NUGET
  remote: https://www.nuget.org/api/v2
    FsCheck (2.10.6)
      FSharp.Core (>= 4.0.0.1) - restriction: || (&& (>= net40) (< netstandard1.6) (>= portable-net45+win8)) (&& (>= net40) (< portable-net45+win8) (>= portable-net45+win8+wp8)) (&& (>= net40) (< portable-net45+win8+wp8) (>= portable-net45+win8+wp8+wpa81)) (>= net452)
    FSharp.Charting (0.91.1)
    FSharp.Core (4.2.1)
      System.Collections (>= 4.0.11) - restriction: && (>= net40) (>= netstandard1.6)
      System.Console (>= 4.0) - restriction: && (>= net40) (>= netstandard1.6)
      System.Diagnostics.Debug (>= 4.0.11) - restriction: && (>= net40) (>= netstandard1.6)
      System.Diagnostics.Tools (>= 4.0.1) - restriction: && (>= net40) (>= netstandard1.6)
      System.Globalization (>= 4.0.11) - restriction: && (>= net40) (>= netstandard1.6)
      System.IO (>= 4.1) - restriction: && (>= net40) (>= netstandard1.6)
      System.Linq (>= 4.1) - restriction: && (>= net40) (>= netstandard1.6)
      System.Linq.Expressions (>= 4.1) - restriction: && (>= net40) (>= netstandard1.6)
      System.Linq.Queryable (>= 4.0.1) - restriction: && (>= net40) (>= netstandard1.6)
      System.Net.Requests (>= 4.0.11) - restriction: && (>= net40) (>= netstandard1.6)
      System.Reflection (>= 4.1) - restriction: && (>= net40) (>= netstandard1.6)
      System.Reflection.Extensions (>= 4.0.1) - restriction: && (>= net40) (>= netstandard1.6)
      System.Resources.ResourceManager (>= 4.0.1) - restriction: && (>= net40) (>= netstandard1.6)
      System.Runtime (>= 4.1) - restriction: && (>= net40) (>= netstandard1.6)
      System.Runtime.Extensions (>= 4.1) - restriction: && (>= net40) (>= netstandard1.6)
      System.Runtime.Numerics (>= 4.0.1) - restriction: && (>= net40) (>= netstandard1.6)
      System.Text.RegularExpressions (>= 4.1) - restriction: && (>= net40) (>= netstandard1.6)
      System.Threading (>= 4.0.11) - restriction: && (>= net40) (>= netstandard1.6)
      System.Threading.Tasks (>= 4.0.11) - restriction: && (>= net40) (>= netstandard1.6)
      System.Threading.Tasks.Parallel (>= 4.0.1) - restriction: && (>= net40) (>= netstandard1.6)
      System.Threading.Thread (>= 4.0) - restriction: && (>= net40) (>= netstandard1.6)
      System.Threading.ThreadPool (>= 4.0.10) - restriction: && (>= net40) (>= netstandard1.6)
      System.Threading.Timer (>= 4.0.1) - restriction: && (>= net40) (>= netstandard1.6)
    FsUnit (1.4.1)
      FSharp.Core (>= 3.1.2.5)
      NUnit (2.6.4)
    Microsoft.NETCore.Platforms (2.0.1) - restriction: || (&& (>= monotouch) (>= net40)) (&& (>= net40) (< net45) (>= netstandard1.1) (< portable-net451+win81+wpa81)) (&& (>= net40) (< net45) (>= netstandard1.2) (< netstandard1.3)) (&& (>= net40) (< net45) (>= netstandard1.3) (< netstandard1.4)) (&& (>= net40) (< net45) (>= netstandard1.4) (< netstandard1.5)) (&& (>= net40) (< net45) (>= netstandard1.5) (< netstandard1.6)) (&& (>= net40) (< net45) (>= netstandard1.6) (< netstandard2.0)) (&& (>= net40) (>= netcoreapp2.0) (< netstandard2.0)) (&& (>= net40) (>= netstandard1.0) (< portable-net45+win8+wpa81)) (&& (>= net40) (< netstandard1.3) (>= wpa81)) (&& (>= net40) (>= uap10.0)) (&& (>= net40) (>= xamarinios)) (&& (>= net40) (>= xamarinmac)) (&& (>= net40) (>= xamarintvos)) (&& (>= net40) (>= xamarinwatchos)) (&& (>= net45) (< portable-net451+win81+wpa81)) (&& (>= net451) (< netstandard1.3)) (&& (>= net46) (< netstandard1.4))
    Microsoft.Win32.Primitives (4.3) - restriction: || (&& (>= net40) (< net45) (>= netstandard1.3) (< netstandard1.4)) (&& (>= net40) (< net45) (>= netstandard1.4) (< netstandard1.5)) (&& (>= net40) (< net45) (>= netstandard1.5) (< netstandard1.6)) (&& (>= net40) (< net45) (>= netstandard1.6) (< netstandard2.0)) (&& (>= net40) (>= uap10.0)) (&& (>= net46) (< netstandard1.4))
    NETStandard.Library (2.0.1) - restriction: && (>= net40) (< net461) (>= netstandard1.0) (< netstandard2.0)
      Microsoft.NETCore.Platforms (>= 1.1) - restriction: || (&& (>= monoandroid) (>= net40) (< netstandard1.0)) (&& (>= monotouch) (>= net40)) (&& (>= net40) (< net45) (>= netstandard1.1) (< portable-net451+win81+wpa81)) (&& (>= net40) (< net45) (>= netstandard1.2) (< netstandard1.3)) (&& (>= net40) (< net45) (>= netstandard1.3) (< netstandard1.4)) (&& (>= net40) (< net45) (>= netstandard1.4) (< netstandard1.5)) (&& (>= net40) (< net45) (>= netstandard1.5) (< netstandard1.6)) (&& (>= net40) (< net45) (>= netstandard1.6) (< netstandard2.0)) (&& (>= net40) (< net45) (>= netstandard2.0)) (&& (>= net40) (>= netcoreapp2.0)) (&& (>= net40) (>= netstandard1.0) (< portable-net45+win8+wpa81)) (&& (>= net40) (< netstandard1.0) (>= portable-net45+win8+wp8+wpa81) (< portable-net45+win8+wpa81)) (&& (>= net40) (< netstandard1.0) (>= portable-net45+win8+wpa81) (< portable-net451+win81+wpa81)) (&& (>= net40) (< netstandard1.0) (>= portable-net451+win81+wpa81)) (&& (>= net40) (< netstandard1.3) (>= wpa81)) (&& (>= net40) (>= uap10.0)) (&& (>= net40) (>= xamarinios)) (&& (>= net40) (>= xamarinmac)) (&& (>= net40) (>= xamarintvos)) (&& (>= net40) (>= xamarinwatchos)) (&& (>= net45) (< portable-net451+win81+wpa81)) (&& (>= net451) (< netstandard1.3)) (&& (>= net46) (< netstandard1.4)) (>= net461)
      Microsoft.Win32.Primitives (>= 4.3) - restriction: || (&& (>= net40) (< net45) (>= netstandard1.3) (< netstandard1.4)) (&& (>= net40) (< net45) (>= netstandard1.4) (< netstandard1.5)) (&& (>= net40) (< net45) (>= netstandard1.5) (< netstandard1.6)) (&& (>= net40) (< net45) (>= netstandard1.6) (< netstandard2.0)) (&& (>= net40) (>= uap10.0)) (&& (>= net46) (< netstandard1.4))
      System.AppContext (>= 4.3) - restriction: || (&& (>= net40) (< net45) (>= netstandard1.3) (< netstandard1.4)) (&& (>= net40) (< net45) (>= netstandard1.4) (< netstandard1.5)) (&& (>= net40) (< net45) (>= netstandard1.5) (< netstandard1.6)) (&& (>= net40) (< net45) (>= netstandard1.6) (< netstandard2.0)) (&& (>= net40) (>= uap10.0)) (&& (>= net46) (< netstandard1.4))
      System.Console (>= 4.3) - restriction: || (&& (>= net40) (< net45) (>= netstandard1.3) (< netstandard1.4)) (&& (>= net40) (< net45) (>= netstandard1.4) (< netstandard1.5)) (&& (>= net40) (< net45) (>= netstandard1.5) (< netstandard1.6)) (&& (>= net40) (< net45) (>= netstandard1.6) (< netstandard2.0)) (&& (>= net40) (>= uap10.0)) (&& (>= net46) (< netstandard1.4))
      System.Globalization.Calendars (>= 4.3) - restriction: || (&& (>= net40) (< net45) (>= netstandard1.3) (< netstandard1.4)) (&& (>= net40) (< net45) (>= netstandard1.4) (< netstandard1.5)) (&& (>= net40) (< net45) (>= netstandard1.5) (< netstandard1.6)) (&& (>= net40) (< net45) (>= netstandard1.6) (< netstandard2.0)) (&& (>= net40) (>= uap10.0)) (&& (>= net46) (< netstandard1.4))
      System.IO.Compression (>= 4.3) - restriction: || (&& (>= net40) (< net45) (>= netstandard1.1) (< portable-net451+win81+wpa81)) (&& (>= net40) (< net45) (>= netstandard1.2) (< netstandard1.3)) (&& (>= net40) (< net45) (>= netstandard1.3) (< netstandard1.4)) (&& (>= net40) (< net45) (>= netstandard1.4) (< netstandard1.5)) (&& (>= net40) (< net45) (>= netstandard1.5) (< netstandard1.6)) (&& (>= net40) (< net45) (>= netstandard1.6) (< netstandard2.0)) (&& (>= net40) (>= uap10.0)) (&& (>= net46) (< netstandard1.4))
      System.IO.Compression.ZipFile (>= 4.3) - restriction: || (&& (>= net40) (< net45) (>= netstandard1.3) (< netstandard1.4)) (&& (>= net40) (< net45) (>= netstandard1.4) (< netstandard1.5)) (&& (>= net40) (< net45) (>= netstandard1.5) (< netstandard1.6)) (&& (>= net40) (< net45) (>= netstandard1.6) (< netstandard2.0)) (&& (>= net40) (>= uap10.0)) (&& (>= net46) (< netstandard1.4))
      System.IO.FileSystem (>= 4.3) - restriction: || (&& (>= net40) (< net45) (>= netstandard1.3) (< netstandard1.4)) (&& (>= net40) (< net45) (>= netstandard1.4) (< netstandard1.5)) (&& (>= net40) (< net45) (>= netstandard1.5) (< netstandard1.6)) (&& (>= net40) (< net45) (>= netstandard1.6) (< netstandard2.0)) (&& (>= net40) (>= uap10.0)) (&& (>= net46) (< netstandard1.4))
      System.IO.FileSystem.Primitives (>= 4.3) - restriction: || (&& (>= net40) (< net45) (>= netstandard1.3) (< netstandard1.4)) (&& (>= net40) (< net45) (>= netstandard1.4) (< netstandard1.5)) (&& (>= net40) (< net45) (>= netstandard1.5) (< netstandard1.6)) (&& (>= net40) (< net45) (>= netstandard1.6) (< netstandard2.0)) (&& (>= net40) (>= uap10.0)) (&& (>= net46) (< netstandard1.4))
      System.Net.Http (>= 4.3.2) - restriction: || (&& (>= net40) (< net45) (>= netstandard1.1) (< portable-net451+win81+wpa81)) (&& (>= net40) (< net45) (>= netstandard1.2) (< netstandard1.3)) (&& (>= net40) (< net45) (>= netstandard1.3) (< netstandard1.4)) (&& (>= net40) (< net45) (>= netstandard1.4) (< netstandard1.5)) (&& (>= net40) (< net45) (>= netstandard1.5) (< netstandard1.6)) (&& (>= net40) (< net45) (>= netstandard1.6) (< netstandard2.0)) (&& (>= net40) (>= uap10.0)) (&& (>= net46) (< netstandard1.4))
      System.Net.Sockets (>= 4.3) - restriction: || (&& (>= net40) (< net45) (>= netstandard1.3) (< netstandard1.4)) (&& (>= net40) (< net45) (>= netstandard1.4) (< netstandard1.5)) (&& (>= net40) (< net45) (>= netstandard1.5) (< netstandard1.6)) (&& (>= net40) (< net45) (>= netstandard1.6) (< netstandard2.0)) (&& (>= net40) (>= uap10.0)) (&& (>= net46) (< netstandard1.4))
      System.Runtime.InteropServices.RuntimeInformation (>= 4.3) - restriction: || (&& (>= net40) (< net45) (>= netstandard1.1) (< portable-net451+win81+wpa81)) (&& (>= net40) (< net45) (>= netstandard1.2) (< netstandard1.3)) (&& (>= net40) (< net45) (>= netstandard1.3) (< netstandard1.4)) (&& (>= net40) (< net45) (>= netstandard1.4) (< netstandard1.5)) (&& (>= net40) (< net45) (>= netstandard1.5) (< netstandard1.6)) (&& (>= net40) (< net45) (>= netstandard1.6) (< netstandard2.0)) (&& (>= net40) (< netstandard1.0) (>= portable-net45+win8+wpa81) (< portable-net451+win81+wpa81)) (&& (>= net40) (< netstandard1.0) (>= portable-net451+win81+wpa81)) (&& (>= net40) (< netstandard1.3) (>= wpa81)) (&& (>= net40) (>= uap10.0)) (&& (>= net45) (< portable-net451+win81+wpa81)) (&& (>= net451) (< netstandard1.3)) (&& (>= net46) (< netstandard1.4))
      System.Security.Cryptography.Algorithms (>= 4.3) - restriction: || (&& (>= net40) (< net45) (>= netstandard1.3) (< netstandard1.4)) (&& (>= net40) (< net45) (>= netstandard1.4) (< netstandard1.5)) (&& (>= net40) (< net45) (>= netstandard1.5) (< netstandard1.6)) (&& (>= net40) (< net45) (>= netstandard1.6) (< netstandard2.0)) (&& (>= net40) (>= uap10.0)) (&& (>= net46) (< netstandard1.4))
      System.Security.Cryptography.Encoding (>= 4.3) - restriction: || (&& (>= net40) (< net45) (>= netstandard1.3) (< netstandard1.4)) (&& (>= net40) (< net45) (>= netstandard1.4) (< netstandard1.5)) (&& (>= net40) (< net45) (>= netstandard1.5) (< netstandard1.6)) (&& (>= net40) (< net45) (>= netstandard1.6) (< netstandard2.0)) (&& (>= net40) (>= uap10.0)) (&& (>= net46) (< netstandard1.4))
      System.Security.Cryptography.Primitives (>= 4.3) - restriction: || (&& (>= net40) (< net45) (>= netstandard1.3) (< netstandard1.4)) (&& (>= net40) (< net45) (>= netstandard1.4) (< netstandard1.5)) (&& (>= net40) (< net45) (>= netstandard1.5) (< netstandard1.6)) (&& (>= net40) (< net45) (>= netstandard1.6) (< netstandard2.0)) (&& (>= net40) (>= uap10.0)) (&& (>= net46) (< netstandard1.4))
      System.Security.Cryptography.X509Certificates (>= 4.3) - restriction: || (&& (>= net40) (< net45) (>= netstandard1.3) (< netstandard1.4)) (&& (>= net40) (< net45) (>= netstandard1.4) (< netstandard1.5)) (&& (>= net40) (< net45) (>= netstandard1.5) (< netstandard1.6)) (&& (>= net40) (< net45) (>= netstandard1.6) (< netstandard2.0)) (&& (>= net40) (>= uap10.0)) (&& (>= net46) (< netstandard1.4))
      System.Xml.ReaderWriter (>= 4.3) - restriction: || (&& (>= net40) (< net45) (>= netstandard1.1) (< portable-net451+win81+wpa81)) (&& (>= net40) (< net45) (>= netstandard1.2) (< netstandard1.3)) (&& (>= net40) (< net45) (>= netstandard1.3) (< netstandard1.4)) (&& (>= net40) (< net45) (>= netstandard1.4) (< netstandard1.5)) (&& (>= net40) (< net45) (>= netstandard1.5) (< netstandard1.6)) (&& (>= net40) (< net45) (>= netstandard1.6) (< netstandard2.0)) (&& (>= net40) (>= netstandard1.0) (< portable-net45+win8+wpa81)) (&& (>= net40) (>= uap10.0)) (&& (>= net46) (< netstandard1.4))
    NUnit (2.6.4)
    NUnit.Runners (2.6.4)
    PerfUtil (0.1.8)
    PerfUtil.NUnit (0.1.8)
      NUnit (>= 2.6.3)
      PerfUtil (>= 0.1.8)
    protobuf-net (2.3.3)
    System.AppContext (4.3) - restriction: || (&& (>= net40) (< net45) (>= netstandard1.3) (< netstandard1.4)) (&& (>= net40) (< net45) (>= netstandard1.4) (< netstandard1.5)) (&& (>= net40) (< net45) (>= netstandard1.5) (< netstandard1.6)) (&& (>= net40) (< net45) (>= netstandard1.6) (< netstandard2.0)) (&& (>= net40) (>= uap10.0)) (&& (>= net46) (< netstandard1.4))
    System.Collections (4.3) - restriction: && (>= net40) (>= netstandard1.6)
    System.Console (4.3) - restriction: || (&& (>= net40) (< net45) (>= netstandard1.3) (< netstandard1.4)) (&& (>= net40) (< net45) (>= netstandard1.4) (< netstandard1.5)) (&& (>= net40) (< net45) (>= netstandard1.5) (< netstandard1.6)) (&& (>= net40) (>= netstandard1.6)) (&& (>= net40) (>= uap10.0)) (&& (>= net46) (< netstandard1.4))
    System.Diagnostics.Debug (4.3) - restriction: && (>= net40) (>= netstandard1.6)
    System.Diagnostics.Tools (4.3) - restriction: && (>= net40) (>= netstandard1.6)
    System.Globalization (4.3) - restriction: && (>= net40) (>= netstandard1.6)
    System.Globalization.Calendars (4.3) - restriction: || (&& (>= net40) (< net45) (>= netstandard1.3) (< netstandard1.4)) (&& (>= net40) (< net45) (>= netstandard1.4) (< netstandard1.5)) (&& (>= net40) (< net45) (>= netstandard1.5) (< netstandard1.6)) (&& (>= net40) (< net45) (>= netstandard1.6) (< netstandard2.0)) (&& (>= net40) (>= uap10.0)) (&& (>= net46) (< netstandard1.4))
    System.IO (4.3) - restriction: && (>= net40) (>= netstandard1.6)
    System.IO.Compression (4.3) - restriction: || (&& (>= net40) (< net45) (>= netstandard1.1) (< portable-net451+win81+wpa81)) (&& (>= net40) (< net45) (>= netstandard1.2) (< netstandard1.3)) (&& (>= net40) (< net45) (>= netstandard1.3) (< netstandard1.4)) (&& (>= net40) (< net45) (>= netstandard1.4) (< netstandard1.5)) (&& (>= net40) (< net45) (>= netstandard1.5) (< netstandard1.6)) (&& (>= net40) (< net45) (>= netstandard1.6) (< netstandard2.0)) (&& (>= net40) (>= uap10.0)) (&& (>= net46) (< netstandard1.4))
    System.IO.Compression.ZipFile (4.3) - restriction: || (&& (>= net40) (< net45) (>= netstandard1.3) (< netstandard1.4)) (&& (>= net40) (< net45) (>= netstandard1.4) (< netstandard1.5)) (&& (>= net40) (< net45) (>= netstandard1.5) (< netstandard1.6)) (&& (>= net40) (< net45) (>= netstandard1.6) (< netstandard2.0)) (&& (>= net40) (>= uap10.0)) (&& (>= net46) (< netstandard1.4))
    System.IO.FileSystem (4.3) - restriction: || (&& (>= net40) (< net45) (>= netstandard1.3) (< netstandard1.4)) (&& (>= net40) (< net45) (>= netstandard1.4) (< netstandard1.5)) (&& (>= net40) (< net45) (>= netstandard1.5) (< netstandard1.6)) (&& (>= net40) (< net45) (>= netstandard1.6) (< netstandard2.0)) (&& (>= net40) (>= uap10.0)) (&& (>= net46) (< netstandard1.4))
      System.IO.FileSystem.Primitives (>= 4.3) - restriction: || (&& (>= net40) (>= netstandard1.3)) (>= net46)
    System.IO.FileSystem.Primitives (4.3) - restriction: || (&& (>= net40) (< net45) (>= netstandard1.3) (< netstandard1.4)) (&& (>= net40) (< net45) (>= netstandard1.4) (< netstandard1.5)) (&& (>= net40) (< net45) (>= netstandard1.5) (< netstandard1.6)) (&& (>= net40) (< net45) (>= netstandard1.6) (< netstandard2.0)) (&& (>= net40) (>= uap10.0)) (&& (< net45) (>= net46) (>= netstandard1.4) (< netstandard1.5)) (&& (< net45) (>= net46) (>= netstandard1.5) (< netstandard1.6)) (&& (< net45) (>= net46) (>= netstandard1.6) (< netstandard2.0)) (&& (>= net46) (< netstandard1.4)) (&& (>= net46) (>= uap10.0))
    System.Linq (4.3) - restriction: && (>= net40) (>= netstandard1.6)
    System.Linq.Expressions (4.3) - restriction: && (>= net40) (>= netstandard1.6)
    System.Linq.Queryable (4.3) - restriction: && (>= net40) (>= netstandard1.6)
    System.Net.Http (4.3.3) - restriction: || (&& (>= net40) (< net45) (>= netstandard1.1) (< portable-net451+win81+wpa81)) (&& (>= net40) (< net45) (>= netstandard1.2) (< netstandard1.3)) (&& (>= net40) (< net45) (>= netstandard1.3) (< netstandard1.4)) (&& (>= net40) (< net45) (>= netstandard1.4) (< netstandard1.5)) (&& (>= net40) (< net45) (>= netstandard1.5) (< netstandard1.6)) (&& (>= net40) (< net45) (>= netstandard1.6) (< netstandard2.0)) (&& (>= net40) (>= uap10.0)) (&& (>= net46) (< netstandard1.4))
      System.Security.Cryptography.X509Certificates (>= 4.3) - restriction: || (&& (>= net40) (< net45) (>= netstandard1.3) (< netstandard1.6)) (&& (>= net40) (< net45) (>= netstandard1.6)) (&& (>= net40) (< portable-net45+win8+wpa81)) (>= net46)
    System.Net.Requests (4.3) - restriction: && (>= net40) (>= netstandard1.6)
    System.Net.Sockets (4.3) - restriction: || (&& (>= net40) (< net45) (>= netstandard1.3) (< netstandard1.4)) (&& (>= net40) (< net45) (>= netstandard1.4) (< netstandard1.5)) (&& (>= net40) (< net45) (>= netstandard1.5) (< netstandard1.6)) (&& (>= net40) (< net45) (>= netstandard1.6) (< netstandard2.0)) (&& (>= net40) (>= uap10.0)) (&& (>= net46) (< netstandard1.4))
    System.Reflection (4.3) - restriction: && (>= net40) (>= netstandard1.6)
    System.Reflection.Extensions (4.3) - restriction: && (>= net40) (>= netstandard1.6)
    System.Resources.ResourceManager (4.3) - restriction: && (>= net40) (>= netstandard1.6)
    System.Runtime (4.3) - restriction: && (>= net40) (>= netstandard1.6)
    System.Runtime.Extensions (4.3) - restriction: && (>= net40) (>= netstandard1.6)
    System.Runtime.InteropServices.RuntimeInformation (4.3) - restriction: || (&& (>= net40) (< net45) (>= netstandard1.1) (< portable-net451+win81+wpa81)) (&& (>= net40) (< net45) (>= netstandard1.2) (< netstandard1.3)) (&& (>= net40) (< net45) (>= netstandard1.3) (< netstandard1.4)) (&& (>= net40) (< net45) (>= netstandard1.4) (< netstandard1.5)) (&& (>= net40) (< net45) (>= netstandard1.5) (< netstandard1.6)) (&& (>= net40) (< net45) (>= netstandard1.6) (< netstandard2.0)) (&& (>= net40) (< netstandard1.3) (>= wpa81)) (&& (>= net40) (>= uap10.0)) (&& (>= net45) (< portable-net451+win81+wpa81)) (&& (>= net451) (< netstandard1.3)) (&& (>= net46) (< netstandard1.4))
    System.Runtime.Numerics (4.3) - restriction: && (>= net40) (>= netstandard1.6)
    System.Security.Cryptography.Algorithms (4.3.1) - restriction: || (&& (>= net40) (< net45) (>= netstandard1.3) (< netstandard1.4)) (&& (>= net40) (< net45) (>= netstandard1.4) (< netstandard1.5)) (&& (>= net40) (< net45) (>= netstandard1.5) (< netstandard1.6)) (&& (>= net40) (< net45) (>= netstandard1.6) (< netstandard2.0)) (&& (>= net40) (>= uap10.0)) (&& (>= net46) (< netstandard1.4))
      System.Security.Cryptography.Primitives (>= 4.3)
    System.Security.Cryptography.Encoding (4.3) - restriction: || (&& (>= net40) (< net45) (>= netstandard1.3) (< netstandard1.4)) (&& (>= net40) (< net45) (>= netstandard1.4) (< netstandard1.5)) (&& (>= net40) (< net45) (>= netstandard1.5) (< netstandard1.6)) (&& (>= net40) (< net45) (>= netstandard1.6) (< netstandard2.0)) (&& (>= net40) (>= uap10.0)) (&& (>= net46) (< netstandard1.4))
    System.Security.Cryptography.Primitives (4.3) - restriction: || (&& (>= net40) (< net45) (>= netstandard1.3) (< netstandard1.4)) (&& (>= net40) (< net45) (< netstandard1.3) (>= netstandard1.4)) (&& (>= net40) (< net45) (< netstandard1.3) (>= netstandard1.5)) (&& (>= net40) (< net45) (< netstandard1.3) (>= netstandard1.6)) (&& (>= net40) (< net45) (>= netstandard1.4) (< netstandard1.5)) (&& (>= net40) (< net45) (< netstandard1.4) (>= netstandard1.5)) (&& (>= net40) (< net45) (< netstandard1.4) (>= netstandard1.6)) (&& (>= net40) (< net45) (>= netstandard1.5) (< netstandard1.6)) (&& (>= net40) (< net45) (< netstandard1.5) (>= netstandard1.6)) (&& (>= net40) (< net45) (>= netstandard1.6) (< netstandard2.0)) (&& (>= net40) (>= uap10.0)) (&& (< net45) (>= net461) (>= netstandard1.5) (< netstandard1.6)) (&& (< net45) (>= net461) (< netstandard1.5)) (&& (< net45) (>= net463) (< netstandard1.5)) (&& (< net45) (>= net463) (>= netstandard1.6) (< netstandard2.0)) (&& (< net45) (>= net463) (< netstandard1.6)) (&& (>= net46) (< netstandard1.3)) (&& (>= net46) (< netstandard1.4)) (&& (>= net461) (< netstandard1.4)) (&& (>= net461) (>= uap10.0)) (&& (>= net463) (< netstandard1.4)) (&& (>= net463) (>= uap10.0))
    System.Security.Cryptography.X509Certificates (4.3.2) - restriction: || (&& (>= net40) (< net45) (>= netstandard1.3) (< netstandard1.4)) (&& (>= net40) (< net45) (>= netstandard1.3) (< portable-net451+win81+wpa81)) (&& (>= net40) (< net45) (< netstandard1.3) (>= netstandard1.6)) (&& (>= net40) (< net45) (>= netstandard1.4) (< netstandard1.5)) (&& (>= net40) (< net45) (< netstandard1.4) (>= netstandard1.6)) (&& (>= net40) (< net45) (>= netstandard1.5) (< netstandard1.6)) (&& (>= net40) (< net45) (< netstandard1.5) (>= netstandard1.6)) (&& (>= net40) (< net45) (>= netstandard1.6) (< netstandard2.0)) (&& (>= net40) (< net45) (>= netstandard1.6) (< portable-net451+win81+wpa81)) (&& (>= net40) (>= netstandard1.1) (< portable-net45+win8+wpa81)) (&& (>= net40) (>= netstandard1.2) (< portable-net45+win8+wpa81)) (&& (>= net40) (>= netstandard1.3) (< portable-net45+win8+wpa81)) (&& (>= net40) (>= netstandard1.4) (< portable-net45+win8+wpa81)) (&& (>= net40) (>= netstandard1.5) (< portable-net45+win8+wpa81)) (&& (>= net40) (>= netstandard1.6) (< portable-net45+win8+wpa81)) (&& (>= net40) (>= uap10.0)) (&& (< net45) (>= net46) (< netstandard1.3)) (&& (< net45) (>= net46) (>= netstandard1.4) (< netstandard1.5)) (&& (< net45) (>= net46) (>= netstandard1.5) (< netstandard1.6)) (&& (< net45) (>= net46) (>= netstandard1.6) (< netstandard2.0)) (&& (< net45) (>= net46) (< portable-net451+win81+wpa81)) (&& (>= net46) (< netstandard1.4)) (&& (>= net46) (< portable-net45+win8+wpa81)) (&& (>= net46) (>= uap10.0))
      System.Security.Cryptography.Algorithms (>= 4.3)
      System.Security.Cryptography.Encoding (>= 4.3)
    System.Text.RegularExpressions (4.3) - restriction: && (>= net40) (>= netstandard1.6)
    System.Threading (4.3) - restriction: && (>= net40) (>= netstandard1.6)
    System.Threading.Tasks (4.3) - restriction: && (>= net40) (>= netstandard1.6)
    System.Threading.Tasks.Parallel (4.3) - restriction: && (>= net40) (>= netstandard1.6)
    System.Threading.Thread (4.3) - restriction: && (>= net40) (>= netstandard1.6)
    System.Threading.ThreadPool (4.3) - restriction: && (>= net40) (>= netstandard1.6)
    System.Threading.Timer (4.3) - restriction: && (>= net40) (>= netstandard1.6)
    System.ValueTuple (4.4)
      NETStandard.Library (>= 1.6.1) - restriction: && (>= net40) (< net461) (>= netstandard1.0) (< netstandard2.0)
    System.Xml.ReaderWriter (4.3.1) - restriction: || (&& (>= net40) (< net45) (>= netstandard1.1) (< portable-net451+win81+wpa81)) (&& (>= net40) (< net45) (>= netstandard1.2) (< netstandard1.3)) (&& (>= net40) (< net45) (>= netstandard1.3) (< netstandard1.4)) (&& (>= net40) (< net45) (>= netstandard1.4) (< netstandard1.5)) (&& (>= net40) (< net45) (>= netstandard1.5) (< netstandard1.6)) (&& (>= net40) (< net45) (>= netstandard1.6) (< netstandard2.0)) (&& (>= net40) (>= netstandard1.0) (< portable-net45+win8+wpa81)) (&& (>= net40) (>= uap10.0)) (&& (>= net46) (< netstandard1.4))
    Wire (0.8.2)
