NUGET
  remote: https://nuget.org/api/v2
  specs:
    FAKE (4.5.3)
    FsCheck (1.0.0)
    FSharp.Charting (0.90.12)
    FSharp.Compiler.Service (0.0.90)
    FSharp.Core (4.0.0.1)
    FSharp.Formatting (2.11.0)
      FSharp.Compiler.Service (>= 0.0.90 <= 1.3)
      FSharpVSPowerTools.Core (1.9.0)
    FSharpVSPowerTools.Core (1.9.0)
      FSharp.Compiler.Service (>= 0.0.90)
    FsUnit (1.3.0.1)
      NUnit (>= 2.6.3)
    Newtonsoft.Json (7.0.1)
    NUnit (2.6.3)
    NUnit.Runners (2.6.4)
    PerfUtil (0.1.8)
    PerfUtil.NUnit (0.1.8)
      NUnit (>= 2.6.3)
      PerfUtil (>= 0.1.8)
    protobuf-net (2.0.0.668)
    ServiceStack.Text (4.0.46)
    TaskParallelLibrary (1.0.2856)
    Wire (0.0.5)
